{
  "aor": 0.0010453676470588234,
  "aqi": 0.009750033602941174,
  "bids_meta": {
    "AcquisitionMatrixPE": 136,
    "AcquisitionNumber": 1,
    "AcquisitionTime": "12:30:24.772500",
    "BandwidthPerPixelPhaseEncode": 21.626,
    "BaseResolution": 136,
    "BodyPartExamined": "BRAIN",
    "ConsistencyInfo": "N4_VD13D_LATEST_20130810",
    "ConversionSoftware": "dcm2niix",
    "ConversionSoftwareVersion": "v1.0.20181125  Clang9.0.0",
    "DerivedVendorReportedEchoSpacing": 0.000680009,
    "DeviceSerialNumber": "67056",
    "DwellTime": 2.2e-06,
    "EchoTime": 0.03,
    "EchoTrainLength": 67,
    "EffectiveEchoSpacing": 0.000340005,
    "FlipAngle": 80,
    "ImageComments": "Unaliased_MB3_PE4_LB",
    "ImageOrientationPatientDICOM": [
      0.998526,
      -0.0539837,
      -0.00560129,
      0.0444417,
      0.872515,
      -0.486562
    ],
    "ImageType": [
      "ORIGINAL",
      "PRIMARY",
      "M",
      "MB",
      "ND",
      "MOSAIC"
    ],
    "ImagingFrequency": 123.253,
    "InPlanePhaseEncodingDirectionDICOM": "COL",
    "InstitutionAddress": "Oxford_52_Cambridge_MA_US_02138",
    "InstitutionName": "CBS_Neuroimaging",
    "InstitutionalDepartmentName": "Department",
    "MRAcquisitionType": "2D",
    "MagneticFieldStrength": 3,
    "Manufacturer": "Siemens",
    "ManufacturersModelName": "Prisma_fit",
    "Modality": "MR",
    "MultibandAccelerationFactor": 3,
    "ParallelReductionFactorInPlane": 2,
    "PartialFourier": 1,
    "PatientPosition": "HFS",
    "PercentPhaseFOV": 100,
    "PhaseEncodingDirection": "j-",
    "PhaseEncodingSteps": 135,
    "PhaseResolution": 1,
    "PixelBandwidth": 1670,
    "ProcedureStepDescription": "Investigators_Young",
    "ProtocolName": "SMS_Minn_1p5mm_ToM_loc_136",
    "PulseSequenceDetails": "%CustomerSeq%_cmrr_mbep2d_bold",
    "ReceiveCoilActiveElements": "HEA;HEP",
    "ReceiveCoilName": "Head_32",
    "ReconMatrixPE": 136,
    "RepetitionTime": 2,
    "SAR": 0.0801296,
    "ScanOptions": "FS",
    "ScanningSequence": "EP",
    "SequenceName": "epfid2d1_136",
    "SequenceVariant": "SK_SS",
    "SeriesDescription": "SMS_Minn_1p5mm_ToM_loc_136",
    "SeriesNumber": 9,
    "ShimSetting": [
      246,
      4521,
      6105,
      441,
      -39,
      137,
      90,
      30
    ],
    "SliceThickness": 1.5,
    "SliceTiming": [
      0,
      0.92,
      1.84,
      0.78,
      1.6975,
      0.6375,
      1.5575,
      0.495,
      1.415,
      0.355,
      1.275,
      0.2125,
      1.1325,
      0.0725,
      0.99,
      1.91,
      0.85,
      1.77,
      0.7075,
      1.6275,
      0.5675,
      1.485,
      0.425,
      1.345,
      0.285,
      1.2025,
      0.1425,
      1.0625,
      0,
      0.92,
      1.84,
      0.78,
      1.6975,
      0.6375,
      1.5575,
      0.495,
      1.415,
      0.355,
      1.275,
      0.2125,
      1.1325,
      0.0725,
      0.99,
      1.91,
      0.85,
      1.77,
      0.7075,
      1.6275,
      0.5675,
      1.485,
      0.425,
      1.345,
      0.285,
      1.2025,
      0.1425,
      1.0625,
      0,
      0.92,
      1.84,
      0.78,
      1.6975,
      0.6375,
      1.5575,
      0.495,
      1.415,
      0.355,
      1.275,
      0.2125,
      1.1325,
      0.0725,
      0.99,
      1.91,
      0.85,
      1.77,
      0.7075,
      1.6275,
      0.5675,
      1.485,
      0.425,
      1.345,
      0.285,
      1.2025,
      0.1425,
      1.0625
    ],
    "SoftwareVersions": "syngo_MR_D13D",
    "SpacingBetweenSlices": 1.5,
    "StationName": "MEDPC",
    "TaskName": "tom",
    "TotalReadoutTime": 0.0459006,
    "TxRefAmp": 255.415,
    "WipMemBlock": "2f8c2b66-8f7a-48db-8b74-26b75d373847||Sequence: vd13d/master r/f9db0a8; Dec 14 2015 17:01:19 by eja",
    "dataset": "ds001722",
    "modality": "bold",
    "run_id": 1,
    "subject_id": "19",
    "task_id": "tom"
  },
  "dummy_trs": 0,
  "dvars_nstd": 67.45102714266666,
  "dvars_std": 1.0592828557037035,
  "dvars_vstd": 1.0221359345185188,
  "efc": 0.6050654260807097,
  "fber": 222.68312072753906,
  "fd_mean": 0.0696093539068669,
  "fd_num": 4,
  "fd_perc": 2.9411764705882355,
  "fwhm_avg": 3.627442222222222,
  "fwhm_x": 3.116773333333333,
  "fwhm_y": 3.882873333333333,
  "fwhm_z": 3.88268,
  "gcor": 0.00260408,
  "gsr_x": -0.013080593198537827,
  "gsr_y": 0.08267102390527725,
  "provenance": {
    "md5sum": "a817db68ef2b929e9c7a21aff9e9c46f",
    "settings": {
      "fd_thres": 0.2,
      "testing": false
    },
    "software": "mriqc",
    "version": "23.1.0"
  },
  "size_t": 136,
  "size_x": 136,
  "size_y": 136,
  "size_z": 84,
  "snr": 1.8984005885455426,
  "spacing_tr": 2.0,
  "spacing_x": 1.5,
  "spacing_y": 1.5,
  "spacing_z": 1.5,
  "summary_bg_k": 20.214191456282553,
  "summary_bg_mad": 136.14865393482256,
  "summary_bg_mean": 846.5837824794897,
  "summary_bg_median": 429.375,
  "summary_bg_n": 1047342.0,
  "summary_bg_p05": 318.2720642089844,
  "summary_bg_p95": 3162.941162109375,
  "summary_bg_stdv": 1138.8855627000821,
  "summary_fg_k": 0.4507741805851113,
  "summary_fg_mad": 3229.755908412365,
  "summary_fg_mean": 7059.032371754882,
  "summary_fg_median": 6407.378662109375,
  "summary_fg_n": 506322.0,
  "summary_fg_p05": 2795.801513671875,
  "summary_fg_p95": 13423.1474609375,
  "summary_fg_stdv": 3375.1424085050053,
  "tsnr": 22.65664013242349
}