{
  "aor": 0.0107506106870229,
  "aqi": 0.0023427183206106866,
  "bids_meta": {
    "AcquisitionMatrixPE": 72,
    "AcquisitionNumber": 1,
    "AcquisitionTime": "13:34:7.685000",
    "BandwidthPerPixelPhaseEncode": 50.505,
    "BaseResolution": 72,
    "BodyPartExamined": "BRAIN",
    "ConsistencyInfo": "N4_VD13D_LATEST_20130810",
    "ConversionSoftware": "dcm2niix",
    "ConversionSoftwareVersion": "v1.0.20181125  Clang9.0.0",
    "DerivedVendorReportedEchoSpacing": 0.000550001,
    "DeviceSerialNumber": "67056",
    "DwellTime": 3.2e-06,
    "EchoTime": 0.03,
    "EchoTrainLength": 35,
    "EffectiveEchoSpacing": 0.000275,
    "FlipAngle": 80,
    "ImageComments": "Reference_volume_for_motion_correction.",
    "ImageOrientationPatientDICOM": [
      0.999802,
      0.0198884,
      -0.000621252,
      -0.0196861,
      0.984125,
      -0.176379
    ],
    "ImageType": [
      "ORIGINAL",
      "PRIMARY",
      "M",
      "ND",
      "MOCO",
      "MOSAIC"
    ],
    "ImagingFrequency": 123.253,
    "InPlanePhaseEncodingDirectionDICOM": "COL",
    "InstitutionAddress": "Oxford_52_Cambridge_MA_US_02138",
    "InstitutionName": "CBS_Neuroimaging",
    "InstitutionalDepartmentName": "Department",
    "MRAcquisitionType": "2D",
    "MagneticFieldStrength": 3,
    "Manufacturer": "Siemens",
    "ManufacturersModelName": "Prisma_fit",
    "Modality": "MR",
    "ParallelReductionFactorInPlane": 2,
    "PartialFourier": 1,
    "PatientPosition": "HFS",
    "PercentPhaseFOV": 100,
    "PhaseEncodingDirection": "j-",
    "PhaseEncodingSteps": 71,
    "PhaseResolution": 1,
    "PixelBandwidth": 2170,
    "ProcedureStepDescription": "Investigators_Young",
    "ProtocolName": "fMRI_PACE_3mm_36sl_TR2_p2_MoCo",
    "PulseSequenceDetails": "%SiemensSeq%_ep2d_pace",
    "ReceiveCoilActiveElements": "HEA;HEP",
    "ReceiveCoilName": "Head_32",
    "ReconMatrixPE": 72,
    "RepetitionTime": 2,
    "SAR": 0.0788214,
    "ScanOptions": "FS",
    "ScanningSequence": "EP",
    "SequenceName": "_epfid2d1_72",
    "SequenceVariant": "SK",
    "SeriesDescription": "MoCoSeries",
    "SeriesNumber": 15,
    "ShimSetting": [
      263,
      4501,
      6052,
      464,
      12,
      143,
      -99,
      -10
    ],
    "SliceThickness": 3,
    "SliceTiming": [
      0.9925,
      0,
      1.0475,
      0.055,
      1.1025,
      0.11,
      1.1575,
      0.165,
      1.2125,
      0.22,
      1.27,
      0.275,
      1.325,
      0.33,
      1.38,
      0.385,
      1.435,
      0.44,
      1.49,
      0.495,
      1.545,
      0.55,
      1.6,
      0.6075,
      1.655,
      0.6625,
      1.71,
      0.7175,
      1.765,
      0.7725,
      1.82,
      0.8275,
      1.875,
      0.8825,
      1.9325,
      0.9375
    ],
    "SoftwareVersions": "syngo_MR_D13D",
    "SpacingBetweenSlices": 3.54,
    "StationName": "MEDPC",
    "TaskName": "tom",
    "TotalReadoutTime": 0.019525,
    "TxRefAmp": 235.455,
    "dataset": "ds001722",
    "modality": "bold",
    "run_id": 2,
    "subject_id": "15",
    "task_id": "tom"
  },
  "dummy_trs": 1,
  "dvars_nstd": 25.314378180846155,
  "dvars_std": 1.2593022792307689,
  "dvars_vstd": 1.0864788840769226,
  "efc": 0.5156827941278973,
  "fber": 745.4216918945312,
  "fd_mean": 0.06536907031157924,
  "fd_num": 8,
  "fd_perc": 6.106870229007634,
  "fwhm_avg": 2.937690161366725,
  "fwhm_x": 2.783863333333333,
  "fwhm_y": 3.048246666666667,
  "fwhm_z": 2.9809604841001747,
  "gcor": 0.0433608,
  "gsr_x": -0.005092788487672806,
  "gsr_y": 0.04390576854348183,
  "provenance": {
    "md5sum": "d2c0c571f33d4e13c4e177c5cb9c7876",
    "settings": {
      "fd_thres": 0.2,
      "testing": false
    },
    "software": "mriqc",
    "version": "23.1.0"
  },
  "size_t": 131,
  "size_x": 72,
  "size_y": 72,
  "size_z": 36,
  "snr": 2.198880617684988,
  "spacing_tr": 2.0,
  "spacing_x": 3.0,
  "spacing_y": 3.0,
  "spacing_z": 3.5399999618530273,
  "summary_bg_k": 26.207564226620992,
  "summary_bg_mad": 3.1576035543695546,
  "summary_bg_mean": 25.150151046001607,
  "summary_bg_median": 12.343511581420898,
  "summary_bg_n": 141183.0,
  "summary_bg_p05": 9.923664093017578,
  "summary_bg_p95": 94.56488800048828,
  "summary_bg_stdv": 35.30004685948617,
  "summary_fg_k": 0.9085063203417438,
  "summary_fg_mad": 140.36055092336892,
  "summary_fg_mean": 368.39734026912504,
  "summary_fg_median": 337.00762939453125,
  "summary_fg_n": 45441.0,
  "summary_fg_p05": 174.93130493164062,
  "summary_fg_p95": 667.656494140625,
  "summary_fg_stdv": 153.2615815859838,
  "tsnr": 64.42977947834879
}