{
  "aor": 0.0043647727272727276,
  "aqi": 0.0018966609848484848,
  "bids_meta": {
    "AcquisitionMatrixPE": 72,
    "AcquisitionNumber": 1,
    "AcquisitionTime": "13:20:5.115000",
    "BandwidthPerPixelPhaseEncode": 50.505,
    "BaseResolution": 72,
    "BodyPartExamined": "BRAIN",
    "ConsistencyInfo": "N4_VD13D_LATEST_20130810",
    "ConversionSoftware": "dcm2niix",
    "ConversionSoftwareVersion": "v1.0.20181125  Clang9.0.0",
    "DerivedVendorReportedEchoSpacing": 0.000550001,
    "DeviceSerialNumber": "67056",
    "DwellTime": 3.2e-06,
    "EchoTime": 0.03,
    "EchoTrainLength": 35,
    "EffectiveEchoSpacing": 0.000275,
    "FlipAngle": 80,
    "ImageComments": "Reference_volume_for_motion_correction.",
    "ImageOrientationPatientDICOM": [
      0.999802,
      0.0198884,
      -0.000621252,
      -0.0196861,
      0.984125,
      -0.176379
    ],
    "ImageType": [
      "ORIGINAL",
      "PRIMARY",
      "M",
      "ND",
      "MOCO",
      "MOSAIC"
    ],
    "ImagingFrequency": 123.253,
    "InPlanePhaseEncodingDirectionDICOM": "COL",
    "InstitutionAddress": "Oxford_52_Cambridge_MA_US_02138",
    "InstitutionName": "CBS_Neuroimaging",
    "InstitutionalDepartmentName": "Department",
    "MRAcquisitionType": "2D",
    "MagneticFieldStrength": 3,
    "Manufacturer": "Siemens",
    "ManufacturersModelName": "Prisma_fit",
    "Modality": "MR",
    "ParallelReductionFactorInPlane": 2,
    "PartialFourier": 1,
    "PatientPosition": "HFS",
    "PercentPhaseFOV": 100,
    "PhaseEncodingDirection": "j-",
    "PhaseEncodingSteps": 71,
    "PhaseResolution": 1,
    "PixelBandwidth": 2170,
    "ProcedureStepDescription": "Investigators_Young",
    "ProtocolName": "fMRI_PACE_3mm_36sl_TR2_p2_MoCo",
    "PulseSequenceDetails": "%SiemensSeq%_ep2d_pace",
    "ReceiveCoilActiveElements": "HEA;HEP",
    "ReceiveCoilName": "Head_32",
    "ReconMatrixPE": 72,
    "RepetitionTime": 2,
    "SAR": 0.0788214,
    "ScanOptions": "FS",
    "ScanningSequence": "EP",
    "SequenceName": "_epfid2d1_72",
    "SequenceVariant": "SK",
    "SeriesDescription": "MoCoSeries",
    "SeriesNumber": 11,
    "ShimSetting": [
      263,
      4501,
      6052,
      464,
      12,
      143,
      -99,
      -10
    ],
    "SliceThickness": 3,
    "SliceTiming": [
      0.9925,
      0,
      1.0475,
      0.055,
      1.1025,
      0.11,
      1.1575,
      0.165,
      1.2125,
      0.22,
      1.27,
      0.275,
      1.325,
      0.33,
      1.38,
      0.385,
      1.435,
      0.44,
      1.49,
      0.495,
      1.545,
      0.55,
      1.6,
      0.6075,
      1.655,
      0.6625,
      1.71,
      0.7175,
      1.765,
      0.7725,
      1.82,
      0.8275,
      1.875,
      0.8825,
      1.9325,
      0.9375
    ],
    "SoftwareVersions": "syngo_MR_D13D",
    "SpacingBetweenSlices": 3.54,
    "StationName": "MEDPC",
    "TaskName": "tom",
    "TotalReadoutTime": 0.019525,
    "TxRefAmp": 235.455,
    "dataset": "ds001722",
    "modality": "bold",
    "run_id": 1,
    "subject_id": "15",
    "task_id": "tom"
  },
  "dummy_trs": 0,
  "dvars_nstd": 24.55474278419849,
  "dvars_std": 1.2208240580916028,
  "dvars_vstd": 1.0296545322900765,
  "efc": 0.5143466401538881,
  "fber": 759.7965087890625,
  "fd_mean": 0.06020247090578556,
  "fd_num": 9,
  "fd_perc": 6.818181818181818,
  "fwhm_avg": 2.9077251330344254,
  "fwhm_x": 2.7544566666666666,
  "fwhm_y": 3.011063333333333,
  "fwhm_z": 2.957655399103277,
  "gcor": 0.0286759,
  "gsr_x": -0.0046557215973734856,
  "gsr_y": 0.043067146092653275,
  "provenance": {
    "md5sum": "d76134b79df2fe9302c835168d93b0a4",
    "settings": {
      "fd_thres": 0.2,
      "testing": false
    },
    "software": "mriqc",
    "version": "23.1.0"
  },
  "size_t": 132,
  "size_x": 72,
  "size_y": 72,
  "size_z": 36,
  "snr": 2.2042243764819553,
  "spacing_tr": 2.0,
  "spacing_x": 3.0,
  "spacing_y": 3.0,
  "spacing_z": 3.5399999618530273,
  "summary_bg_k": 27.867345350759575,
  "summary_bg_mad": 3.010131734119869,
  "summary_bg_mean": 24.624174751179467,
  "summary_bg_median": 12.174242973327637,
  "summary_bg_n": 141210.0,
  "summary_bg_p05": 9.840909004211426,
  "summary_bg_p95": 91.68182373046875,
  "summary_bg_stdv": 34.562374386401345,
  "summary_fg_k": 0.9476978867121835,
  "summary_fg_mad": 139.06132842872816,
  "summary_fg_mean": 366.85210234404775,
  "summary_fg_median": 335.5757751464844,
  "summary_fg_n": 45414.0,
  "summary_fg_p05": 175.09849548339844,
  "summary_fg_p95": 664.0379028320312,
  "summary_fg_stdv": 152.2404361722006,
  "tsnr": 73.13976997043937
}