{
  "aor": 0.003171136363636364,
  "aqi": 0.002257034090909091,
  "bids_meta": {
    "AcquisitionMatrixPE": 72,
    "AcquisitionNumber": 1,
    "AcquisitionTime": "16:29:55.300000",
    "BandwidthPerPixelPhaseEncode": 50.505,
    "BaseResolution": 72,
    "BodyPartExamined": "BRAIN",
    "ConsistencyInfo": "N4_VD13D_LATEST_20130810",
    "ConversionSoftware": "dcm2niix",
    "ConversionSoftwareVersion": "v1.0.20181125  Clang9.0.0",
    "DerivedVendorReportedEchoSpacing": 0.000550001,
    "DeviceSerialNumber": "67056",
    "DwellTime": 3.2e-06,
    "EchoTime": 0.03,
    "EchoTrainLength": 35,
    "EffectiveEchoSpacing": 0.000275,
    "FlipAngle": 80,
    "ImageComments": "Reference_volume_for_motion_correction.",
    "ImageOrientationPatientDICOM": [
      0.99827,
      0.0430049,
      0.0401057,
      -0.0372504,
      0.990202,
      -0.134584
    ],
    "ImageType": [
      "ORIGINAL",
      "PRIMARY",
      "M",
      "ND",
      "MOCO",
      "MOSAIC"
    ],
    "ImagingFrequency": 123.253,
    "InPlanePhaseEncodingDirectionDICOM": "COL",
    "InstitutionAddress": "Oxford_52_Cambridge_MA_US_02138",
    "InstitutionName": "CBS_Neuroimaging",
    "InstitutionalDepartmentName": "Department",
    "MRAcquisitionType": "2D",
    "MagneticFieldStrength": 3,
    "Manufacturer": "Siemens",
    "ManufacturersModelName": "Prisma_fit",
    "Modality": "MR",
    "ParallelReductionFactorInPlane": 2,
    "PartialFourier": 1,
    "PatientPosition": "HFS",
    "PercentPhaseFOV": 100,
    "PhaseEncodingDirection": "j-",
    "PhaseEncodingSteps": 71,
    "PhaseResolution": 1,
    "PixelBandwidth": 2170,
    "ProcedureStepDescription": "Investigators_Young",
    "ProtocolName": "fMRI_PACE_3mm_36sl_TR2_p2_MoCo",
    "PulseSequenceDetails": "%SiemensSeq%_ep2d_pace",
    "ReceiveCoilActiveElements": "HEA;HEP",
    "ReceiveCoilName": "Head_32",
    "ReconMatrixPE": 72,
    "RepetitionTime": 2,
    "SAR": 0.0990709,
    "ScanOptions": "FS",
    "ScanningSequence": "EP",
    "SequenceName": "_epfid2d1_72",
    "SequenceVariant": "SK",
    "SeriesDescription": "MoCoSeries",
    "SeriesNumber": 13,
    "ShimSetting": [
      260,
      4450,
      6063,
      375,
      -10,
      -132,
      71,
      -68
    ],
    "SliceThickness": 3,
    "SliceTiming": [
      0.9925,
      0,
      1.0475,
      0.055,
      1.1025,
      0.11,
      1.1575,
      0.165,
      1.2125,
      0.22,
      1.27,
      0.275,
      1.325,
      0.33,
      1.38,
      0.385,
      1.435,
      0.44,
      1.49,
      0.495,
      1.545,
      0.55,
      1.6,
      0.6075,
      1.655,
      0.6625,
      1.71,
      0.7175,
      1.765,
      0.7725,
      1.82,
      0.8275,
      1.875,
      0.8825,
      1.9325,
      0.9375
    ],
    "SoftwareVersions": "syngo_MR_D13D",
    "SpacingBetweenSlices": 3.54,
    "StationName": "MEDPC",
    "TaskName": "tom",
    "TotalReadoutTime": 0.019525,
    "TxRefAmp": 277.471,
    "dataset": "ds001722",
    "modality": "bold",
    "run_id": 1,
    "subject_id": "16",
    "task_id": "tom"
  },
  "dummy_trs": 0,
  "dvars_nstd": 24.100041789923655,
  "dvars_std": 1.1672613677099233,
  "dvars_vstd": 1.0220761198473283,
  "efc": 0.5235749264525124,
  "fber": 636.9644775390625,
  "fd_mean": 0.0748206442883761,
  "fd_num": 6,
  "fd_perc": 4.545454545454546,
  "fwhm_avg": 2.7965447244896873,
  "fwhm_x": 2.6340533333333336,
  "fwhm_y": 2.9566766666666666,
  "fwhm_z": 2.798904173469061,
  "gcor": 0.0194215,
  "gsr_x": 0.022176997736096382,
  "gsr_y": 0.02736147865653038,
  "provenance": {
    "md5sum": "45718f14f1f75c086c34b584b228d3b2",
    "settings": {
      "fd_thres": 0.2,
      "testing": false
    },
    "software": "mriqc",
    "version": "23.1.0"
  },
  "size_t": 132,
  "size_x": 72,
  "size_y": 72,
  "size_z": 36,
  "snr": 2.1322000559053405,
  "spacing_tr": 2.0,
  "spacing_x": 3.0,
  "spacing_y": 3.0,
  "spacing_z": 3.5399997234344482,
  "summary_bg_k": 21.779585802058964,
  "summary_bg_mad": 5.380049130961347,
  "summary_bg_mean": 34.0799456873304,
  "summary_bg_median": 14.712121963500977,
  "summary_bg_n": 143386.0,
  "summary_bg_p05": 10.590909004211426,
  "summary_bg_p95": 135.34091186523438,
  "summary_bg_stdv": 50.07391029666381,
  "summary_fg_k": 0.14309386078177644,
  "summary_fg_mad": 172.52097925627518,
  "summary_fg_mean": 406.21567503072333,
  "summary_fg_median": 371.30682373046875,
  "summary_fg_n": 43238.0,
  "summary_fg_p05": 182.77273559570312,
  "summary_fg_p95": 736.507568359375,
  "summary_fg_stdv": 174.1405685275711,
  "tsnr": 70.27618580451235
}