{
  "aor": 0.003865227272727273,
  "aqi": 0.002385771212121212,
  "bids_meta": {
    "AcquisitionMatrixPE": 72,
    "AcquisitionNumber": 1,
    "AcquisitionTime": "16:37:24.345000",
    "BandwidthPerPixelPhaseEncode": 50.505,
    "BaseResolution": 72,
    "BodyPartExamined": "BRAIN",
    "ConsistencyInfo": "N4_VD13D_LATEST_20130810",
    "ConversionSoftware": "dcm2niix",
    "ConversionSoftwareVersion": "v1.0.20181125  Clang9.0.0",
    "DerivedVendorReportedEchoSpacing": 0.000550001,
    "DeviceSerialNumber": "67056",
    "DwellTime": 3.2e-06,
    "EchoTime": 0.03,
    "EchoTrainLength": 35,
    "EffectiveEchoSpacing": 0.000275,
    "FlipAngle": 80,
    "ImageComments": "Reference_volume_for_motion_correction.",
    "ImageOrientationPatientDICOM": [
      0.99827,
      0.0430049,
      0.0401057,
      -0.0372504,
      0.990202,
      -0.134584
    ],
    "ImageType": [
      "ORIGINAL",
      "PRIMARY",
      "M",
      "ND",
      "MOCO",
      "MOSAIC"
    ],
    "ImagingFrequency": 123.253,
    "InPlanePhaseEncodingDirectionDICOM": "COL",
    "InstitutionAddress": "Oxford_52_Cambridge_MA_US_02138",
    "InstitutionName": "CBS_Neuroimaging",
    "InstitutionalDepartmentName": "Department",
    "MRAcquisitionType": "2D",
    "MagneticFieldStrength": 3,
    "Manufacturer": "Siemens",
    "ManufacturersModelName": "Prisma_fit",
    "Modality": "MR",
    "ParallelReductionFactorInPlane": 2,
    "PartialFourier": 1,
    "PatientPosition": "HFS",
    "PercentPhaseFOV": 100,
    "PhaseEncodingDirection": "j-",
    "PhaseEncodingSteps": 71,
    "PhaseResolution": 1,
    "PixelBandwidth": 2170,
    "ProcedureStepDescription": "Investigators_Young",
    "ProtocolName": "fMRI_PACE_3mm_36sl_TR2_p2_MoCo",
    "PulseSequenceDetails": "%SiemensSeq%_ep2d_pace",
    "ReceiveCoilActiveElements": "HEA;HEP",
    "ReceiveCoilName": "Head_32",
    "ReconMatrixPE": 72,
    "RepetitionTime": 2,
    "SAR": 0.0990709,
    "ScanOptions": "FS",
    "ScanningSequence": "EP",
    "SequenceName": "_epfid2d1_72",
    "SequenceVariant": "SK",
    "SeriesDescription": "MoCoSeries",
    "SeriesNumber": 15,
    "ShimSetting": [
      260,
      4450,
      6063,
      375,
      -10,
      -132,
      71,
      -68
    ],
    "SliceThickness": 3,
    "SliceTiming": [
      0.9925,
      0,
      1.0475,
      0.055,
      1.1025,
      0.11,
      1.1575,
      0.165,
      1.2125,
      0.22,
      1.27,
      0.275,
      1.325,
      0.33,
      1.38,
      0.385,
      1.435,
      0.44,
      1.49,
      0.495,
      1.545,
      0.55,
      1.6,
      0.6075,
      1.655,
      0.6625,
      1.71,
      0.7175,
      1.765,
      0.7725,
      1.82,
      0.8275,
      1.875,
      0.8825,
      1.9325,
      0.9375
    ],
    "SoftwareVersions": "syngo_MR_D13D",
    "SpacingBetweenSlices": 3.54,
    "StationName": "MEDPC",
    "TaskName": "tom",
    "TotalReadoutTime": 0.019525,
    "TxRefAmp": 277.471,
    "dataset": "ds001722",
    "modality": "bold",
    "run_id": 2,
    "subject_id": "16",
    "task_id": "tom"
  },
  "dummy_trs": 0,
  "dvars_nstd": 25.22343644282443,
  "dvars_std": 1.2055404760305344,
  "dvars_vstd": 1.040732301450381,
  "efc": 0.5240376329184377,
  "fber": 631.3303833007812,
  "fd_mean": 0.08524857978171418,
  "fd_num": 11,
  "fd_perc": 8.333333333333334,
  "fwhm_avg": 2.806498679458056,
  "fwhm_x": 2.636343333333333,
  "fwhm_y": 2.97787,
  "fwhm_z": 2.805282705040836,
  "gcor": 0.0430625,
  "gsr_x": 0.02281978726387024,
  "gsr_y": 0.02831229940056801,
  "provenance": {
    "md5sum": "68ff5595d3c475ed4cff92cb1a550950",
    "settings": {
      "fd_thres": 0.2,
      "testing": false
    },
    "software": "mriqc",
    "version": "23.1.0"
  },
  "size_t": 132,
  "size_x": 72,
  "size_y": 72,
  "size_z": 36,
  "snr": 2.1297091212107047,
  "spacing_tr": 2.0,
  "spacing_x": 3.0,
  "spacing_y": 3.0,
  "spacing_z": 3.5399997234344482,
  "summary_bg_k": 21.99416050147359,
  "summary_bg_mad": 5.380049130961347,
  "summary_bg_mean": 33.9743533847615,
  "summary_bg_median": 14.696969985961914,
  "summary_bg_n": 143276.0,
  "summary_bg_p05": 10.590909004211426,
  "summary_bg_p95": 135.21969604492188,
  "summary_bg_stdv": 49.92259241660756,
  "summary_fg_k": 0.1286424823410428,
  "summary_fg_mad": 170.9710065939416,
  "summary_fg_mean": 404.57555620861945,
  "summary_fg_median": 369.2765350341797,
  "summary_fg_n": 43348.0,
  "summary_fg_p05": 181.5,
  "summary_fg_p95": 733.242431640625,
  "summary_fg_stdv": 173.39094427986922,
  "tsnr": 69.01296781143174
}