{
  "aor": 0.0010641176470588235,
  "aqi": 0.008204164044117649,
  "bids_meta": {
    "AcquisitionMatrixPE": 72,
    "AcquisitionNumber": 1,
    "AcquisitionTime": "19:22:44.380000",
    "BandwidthPerPixelPhaseEncode": 53.419,
    "BaseResolution": 72,
    "CoilString": "T:HEA;HEP",
    "ConversionSoftware": "dcm2niix",
    "ConversionSoftwareVersion": "v1.0.20181125  Clang9.0.0",
    "DerivedVendorReportedEchoSpacing": 0.000519998,
    "DeviceSerialNumber": "35380",
    "DwellTime": 3e-06,
    "EchoTime": 0.03,
    "EffectiveEchoSpacing": 0.000259999,
    "FlipAngle": 90,
    "ImageOrientationPatientDICOM": [
      0.998941,
      0.0452267,
      0.00843211,
      -0.0458957,
      0.992353,
      0.114582
    ],
    "ImageType": [
      "ORIGINAL",
      "PRIMARY",
      "M",
      "ND",
      "MOSAIC"
    ],
    "ImagingFrequency": 123.263,
    "InPlanePhaseEncodingDirectionDICOM": "COL",
    "InstitutionAddress": "Oxford_52_Cambridge_MA_US_02138",
    "InstitutionName": "CBS_Neuroimaging",
    "InstitutionalDepartmentName": "Department",
    "MRAcquisitionType": "2D",
    "MagneticFieldStrength": 3,
    "Manufacturer": "Siemens",
    "ManufacturersModelName": "TrioTim",
    "Modality": "MR",
    "ParallelReductionFactorInPlane": 2,
    "PartialFourier": 1,
    "PatientPosition": "HFS",
    "PercentPhaseFOV": 100,
    "PhaseEncodingDirection": "j-",
    "PhaseEncodingSteps": 72,
    "PhaseResolution": 1,
    "PixelBandwidth": 2315,
    "ProcedureStepDescription": "Investigators_Young",
    "ProtocolName": "ToM",
    "PulseSequenceDetails": "%CustomerSeq%_Andre_ep2d_pace_MGH_xcalgo2",
    "ReceiveCoilName": "HeadMatrix",
    "ReconMatrixPE": 72,
    "RepetitionTime": 2,
    "SAR": 0.20768,
    "ScanOptions": "FS",
    "ScanningSequence": "EP",
    "SequenceName": "epfid2d1_72",
    "SequenceVariant": "SK",
    "SeriesDescription": "ToM",
    "SeriesNumber": 13,
    "ShimSetting": [
      -8477,
      9312,
      3105,
      460,
      -166,
      -135,
      289,
      -73
    ],
    "SliceThickness": 3,
    "SliceTiming": [
      0.9925,
      0,
      1.0475,
      0.055,
      1.1025,
      0.11,
      1.16,
      0.165,
      1.215,
      0.22,
      1.27,
      0.275,
      1.325,
      0.33,
      1.38,
      0.385,
      1.435,
      0.44,
      1.49,
      0.4975,
      1.545,
      0.5525,
      1.6,
      0.6075,
      1.655,
      0.6625,
      1.71,
      0.7175,
      1.7675,
      0.7725,
      1.8225,
      0.8275,
      1.8775,
      0.8825,
      1.9325,
      0.9375
    ],
    "SoftwareVersions": "syngo_MR_B17",
    "SpacingBetweenSlices": 3.54,
    "StationName": "MEDPC",
    "TaskName": "tom",
    "TotalReadoutTime": 0.0184599,
    "TxRefAmp": 319.899,
    "dataset": "ds001722",
    "modality": "bold",
    "run_id": 2,
    "subject_id": "02",
    "task_id": "tom"
  },
  "dummy_trs": 0,
  "dvars_nstd": 31.629614483703705,
  "dvars_std": 1.0919775940740744,
  "dvars_vstd": 1.0119651388888893,
  "efc": 0.5084126171484937,
  "fber": 854.21435546875,
  "fd_mean": 0.1562664808547263,
  "fd_num": 25,
  "fd_perc": 18.38235294117647,
  "fwhm_avg": 1.7692411360222593,
  "fwhm_x": 1.7066999999999999,
  "fwhm_y": 1.92608,
  "fwhm_z": 1.6749434080667776,
  "gcor": 0.0121922,
  "gsr_x": 0.0003902509924955666,
  "gsr_y": 0.018949830904603004,
  "provenance": {
    "md5sum": "ef80f99186f25b22e71110ec77ac2a01",
    "settings": {
      "fd_thres": 0.2,
      "testing": false
    },
    "software": "mriqc",
    "version": "23.1.0"
  },
  "size_t": 136,
  "size_x": 72,
  "size_y": 72,
  "size_z": 36,
  "snr": 5.0600053756269245,
  "spacing_tr": 2.0,
  "spacing_x": 3.0,
  "spacing_y": 3.0,
  "spacing_z": 3.5400002002716064,
  "summary_bg_k": 27.07425376309419,
  "summary_bg_mad": 9.266263865660012,
  "summary_bg_mean": 48.63989333376359,
  "summary_bg_median": 28.625,
  "summary_bg_n": 147796.0,
  "summary_bg_p05": 20.66176414489746,
  "summary_bg_p95": 159.0,
  "summary_bg_stdv": 63.744218188871905,
  "summary_fg_k": 0.6485170882359164,
  "summary_fg_mad": 149.65016143040918,
  "summary_fg_mean": 834.1051971089328,
  "summary_fg_median": 836.621337890625,
  "summary_fg_n": 38828.0,
  "summary_fg_p05": 540.9485473632812,
  "summary_fg_p95": 1094.3970947265625,
  "summary_fg_stdv": 165.33788055302895,
  "tsnr": 50.435345760779455
}