{
  "aor": 0.0006780740740740741,
  "aqi": 0.009434873333333333,
  "bids_meta": {
    "AcquisitionMatrixPE": 136,
    "AcquisitionNumber": 1,
    "AcquisitionTime": "11:01:47.857500",
    "BandwidthPerPixelPhaseEncode": 21.626,
    "BaseResolution": 136,
    "BodyPartExamined": "BRAIN",
    "ConsistencyInfo": "N4_VD13D_LATEST_20130810",
    "ConversionSoftware": "dcm2niix",
    "ConversionSoftwareVersion": "v1.0.20181125  Clang9.0.0",
    "DerivedVendorReportedEchoSpacing": 0.000680009,
    "DeviceSerialNumber": "67056",
    "DwellTime": 2.2e-06,
    "EchoTime": 0.03,
    "EchoTrainLength": 67,
    "EffectiveEchoSpacing": 0.000340005,
    "FlipAngle": 80,
    "ImageComments": "Unaliased_MB3_PE4_LB",
    "ImageOrientationPatientDICOM": [
      0.998471,
      0.0482751,
      -0.0269246,
      -0.0550988,
      0.83026,
      -0.554646
    ],
    "ImageType": [
      "ORIGINAL",
      "PRIMARY",
      "M",
      "MB",
      "ND",
      "MOSAIC"
    ],
    "ImagingFrequency": 123.253,
    "InPlanePhaseEncodingDirectionDICOM": "COL",
    "InstitutionAddress": "Oxford_52_Cambridge_MA_US_02138",
    "InstitutionName": "CBS_Neuroimaging",
    "InstitutionalDepartmentName": "Department",
    "MRAcquisitionType": "2D",
    "MagneticFieldStrength": 3,
    "Manufacturer": "Siemens",
    "ManufacturersModelName": "Prisma_fit",
    "Modality": "MR",
    "MultibandAccelerationFactor": 3,
    "ParallelReductionFactorInPlane": 2,
    "PartialFourier": 1,
    "PatientPosition": "HFS",
    "PercentPhaseFOV": 100,
    "PhaseEncodingDirection": "j-",
    "PhaseEncodingSteps": 135,
    "PhaseResolution": 1,
    "PixelBandwidth": 1670,
    "ProcedureStepDescription": "Investigators_Young",
    "ProtocolName": "SMS_Minn_1p5mm_ToM_loc_136",
    "PulseSequenceDetails": "%CustomerSeq%_cmrr_mbep2d_bold",
    "ReceiveCoilActiveElements": "HEA;HEP",
    "ReceiveCoilName": "Head_32",
    "ReconMatrixPE": 136,
    "RepetitionTime": 2,
    "SAR": 0.0787952,
    "ScanOptions": "FS",
    "ScanningSequence": "EP",
    "SequenceName": "epfid2d1_136",
    "SequenceVariant": "SK_SS",
    "SeriesDescription": "SMS_Minn_1p5mm_ToM_loc_136",
    "SeriesNumber": 9,
    "ShimSetting": [
      223,
      4479,
      6050,
      451,
      -100,
      76,
      30,
      -12
    ],
    "SliceThickness": 1.5,
    "SliceTiming": [
      0,
      0.92,
      1.8375,
      0.7775,
      1.6975,
      0.6375,
      1.555,
      0.495,
      1.415,
      0.3525,
      1.2725,
      0.2125,
      1.1325,
      0.07,
      0.99,
      1.91,
      0.8475,
      1.7675,
      0.7075,
      1.6275,
      0.565,
      1.485,
      0.425,
      1.3425,
      0.2825,
      1.2025,
      0.1425,
      1.06,
      0,
      0.92,
      1.8375,
      0.7775,
      1.6975,
      0.6375,
      1.555,
      0.495,
      1.415,
      0.3525,
      1.2725,
      0.2125,
      1.1325,
      0.07,
      0.99,
      1.91,
      0.8475,
      1.7675,
      0.7075,
      1.6275,
      0.565,
      1.485,
      0.425,
      1.3425,
      0.2825,
      1.2025,
      0.1425,
      1.06,
      0,
      0.92,
      1.8375,
      0.7775,
      1.6975,
      0.6375,
      1.555,
      0.495,
      1.415,
      0.3525,
      1.2725,
      0.2125,
      1.1325,
      0.07,
      0.99,
      1.91,
      0.8475,
      1.7675,
      0.7075,
      1.6275,
      0.565,
      1.485,
      0.425,
      1.3425,
      0.2825,
      1.2025,
      0.1425,
      1.06
    ],
    "SoftwareVersions": "syngo_MR_D13D",
    "SpacingBetweenSlices": 1.5,
    "StationName": "MEDPC",
    "TaskName": "tom",
    "TotalReadoutTime": 0.0459006,
    "TxRefAmp": 252.385,
    "WipMemBlock": "c5cc4c3e-8d19-4b04-b7c4-dd1e8080224e||Sequence: vd13d/master r/f9db0a8; Dec 14 2015 17:01:19 by eja",
    "dataset": "ds001722",
    "modality": "bold",
    "run_id": 1,
    "subject_id": "17",
    "task_id": "tom"
  },
  "dummy_trs": 1,
  "dvars_nstd": 66.24604962462688,
  "dvars_std": 1.034869870970149,
  "dvars_vstd": 1.0139206935074623,
  "efc": 0.6046468215688096,
  "fber": 209.34042358398438,
  "fd_mean": 0.02548257555507867,
  "fd_num": 0,
  "fd_perc": 0.0,
  "fwhm_avg": 3.3500977777777776,
  "fwhm_x": 3.067933333333333,
  "fwhm_y": 3.44366,
  "fwhm_z": 3.5387,
  "gcor": 0.00143904,
  "gsr_x": -0.011094743385910988,
  "gsr_y": 0.05686090886592865,
  "provenance": {
    "md5sum": "3174c1e0a6539784f57872a430076e93",
    "settings": {
      "fd_thres": 0.2,
      "testing": false
    },
    "software": "mriqc",
    "version": "23.1.0"
  },
  "size_t": 135,
  "size_x": 136,
  "size_y": 136,
  "size_z": 84,
  "snr": 2.118516205887265,
  "spacing_tr": 2.0,
  "spacing_x": 1.5,
  "spacing_y": 1.5,
  "spacing_z": 1.5,
  "summary_bg_k": 23.371628604175754,
  "summary_bg_mad": 106.87915966717223,
  "summary_bg_mean": 681.7090447772285,
  "summary_bg_median": 383.2370300292969,
  "summary_bg_n": 1070039.0,
  "summary_bg_p05": 296.38519287109375,
  "summary_bg_p95": 2328.244384765625,
  "summary_bg_stdv": 843.8519687039382,
  "summary_fg_k": 0.4891445504196872,
  "summary_fg_mad": 2458.3962698550326,
  "summary_fg_mean": 6020.6564630799785,
  "summary_fg_median": 5544.90380859375,
  "summary_fg_n": 483625.0,
  "summary_fg_p05": 2599.95556640625,
  "summary_fg_p95": 10937.3779296875,
  "summary_fg_stdv": 2617.349851057888,
  "tsnr": 22.276486645452678
}