{
  "aor": 0.02309528455284553,
  "aqi": 0.012183279593495935,
  "bids_meta": {
    "AcquisitionMatrixPE": 72,
    "AcquisitionNumber": 1,
    "AcquisitionTime": "11:26:0.007500",
    "BandwidthPerPixelPhaseEncode": 50.505,
    "BaseResolution": 72,
    "BodyPartExamined": "BRAIN",
    "ConsistencyInfo": "N4_VD13D_LATEST_20130810",
    "ConversionSoftware": "dcm2niix",
    "ConversionSoftwareVersion": "v1.0.20181125  Clang9.0.0",
    "DerivedVendorReportedEchoSpacing": 0.000550001,
    "DeviceSerialNumber": "67056",
    "DwellTime": 3.2e-06,
    "EchoTime": 0.03,
    "EchoTrainLength": 35,
    "EffectiveEchoSpacing": 0.000275,
    "FlipAngle": 80,
    "ImageComments": "Reference_volume_for_motion_correction.",
    "ImageOrientationPatientDICOM": [
      0.999509,
      -0.0258889,
      0.0176331,
      0.0196883,
      0.957074,
      0.289173
    ],
    "ImageType": [
      "ORIGINAL",
      "PRIMARY",
      "M",
      "ND",
      "MOCO",
      "MOSAIC"
    ],
    "ImagingFrequency": 123.253,
    "InPlanePhaseEncodingDirectionDICOM": "COL",
    "InstitutionAddress": "Oxford_52_Cambridge_MA_US_02138",
    "InstitutionName": "CBS_Neuroimaging",
    "InstitutionalDepartmentName": "Department",
    "MRAcquisitionType": "2D",
    "MagneticFieldStrength": 3,
    "Manufacturer": "Siemens",
    "ManufacturersModelName": "Prisma_fit",
    "Modality": "MR",
    "ParallelReductionFactorInPlane": 2,
    "PartialFourier": 1,
    "PatientPosition": "HFS",
    "PercentPhaseFOV": 100,
    "PhaseEncodingDirection": "j-",
    "PhaseEncodingSteps": 71,
    "PhaseResolution": 1,
    "PixelBandwidth": 2170,
    "ProcedureStepDescription": "Investigators_Young",
    "ProtocolName": "fMRI_PACE_3mm_36sl_TR2_p2_MoCo",
    "PulseSequenceDetails": "%SiemensSeq%_ep2d_pace",
    "ReceiveCoilActiveElements": "HEA;HEP",
    "ReceiveCoilName": "Head_32",
    "ReconMatrixPE": 72,
    "RepetitionTime": 2,
    "SAR": 0.0870135,
    "ScanOptions": "FS",
    "ScanningSequence": "EP",
    "SequenceName": "_epfid2d1_72",
    "SequenceVariant": "SK",
    "SeriesDescription": "MoCoSeries",
    "SeriesNumber": 9,
    "ShimSetting": [
      267,
      4407,
      6052,
      406,
      -20,
      -238,
      128,
      15
    ],
    "SliceThickness": 3,
    "SliceTiming": [
      0.9925,
      0,
      1.0475,
      0.055,
      1.1025,
      0.11,
      1.1575,
      0.165,
      1.2125,
      0.22,
      1.27,
      0.275,
      1.325,
      0.33,
      1.38,
      0.385,
      1.435,
      0.44,
      1.49,
      0.495,
      1.545,
      0.55,
      1.6,
      0.6075,
      1.655,
      0.6625,
      1.71,
      0.7175,
      1.765,
      0.7725,
      1.82,
      0.8275,
      1.875,
      0.8825,
      1.9325,
      0.9375
    ],
    "SoftwareVersions": "syngo_MR_D13D",
    "SpacingBetweenSlices": 3.54,
    "StationName": "MEDPC",
    "TaskName": "tom",
    "TotalReadoutTime": 0.019525,
    "TxRefAmp": 231.227,
    "dataset": "ds001722",
    "modality": "bold",
    "run_id": 1,
    "subject_id": "09",
    "task_id": "tom"
  },
  "dummy_trs": 9,
  "dvars_nstd": 42.80356257081965,
  "dvars_std": 1.210150386065574,
  "dvars_vstd": 1.1281910736065577,
  "efc": 0.5081454329176917,
  "fber": 615.4542236328125,
  "fd_mean": 0.15139979230092906,
  "fd_num": 19,
  "fd_perc": 15.447154471544716,
  "fwhm_avg": 2.56337162871411,
  "fwhm_x": 2.377006666666667,
  "fwhm_y": 2.7717833333333335,
  "fwhm_z": 2.541324886142331,
  "gcor": 0.0548144,
  "gsr_x": -0.016216767951846123,
  "gsr_y": 0.057973284274339676,
  "provenance": {
    "md5sum": "1e9d67f1a160a3bcb18a6344cd9cd8df",
    "settings": {
      "fd_thres": 0.2,
      "testing": false
    },
    "software": "mriqc",
    "version": "23.1.0"
  },
  "size_t": 123,
  "size_x": 72,
  "size_y": 72,
  "size_z": 36,
  "snr": 2.535480824461697,
  "spacing_tr": 2.0,
  "spacing_x": 3.0,
  "spacing_y": 3.0,
  "spacing_z": 3.5399999618530273,
  "summary_bg_k": 96.44872429906945,
  "summary_bg_mad": 3.857175652778358,
  "summary_bg_mean": 26.492295443729358,
  "summary_bg_median": 12.853657722473145,
  "summary_bg_n": 148441.0,
  "summary_bg_p05": 9.991869926452637,
  "summary_bg_p95": 89.95934295654297,
  "summary_bg_stdv": 43.04989093014871,
  "summary_fg_k": 0.38062771074344326,
  "summary_fg_mad": 118.94570838102346,
  "summary_fg_mean": 340.2494564302664,
  "summary_fg_median": 318.8780517578125,
  "summary_fg_n": 38183.0,
  "summary_fg_p05": 170.2113800048828,
  "summary_fg_p95": 578.382080078125,
  "summary_fg_stdv": 125.76465694368137,
  "tsnr": 30.808103299932554
}