{
  "aor": 0.011114772727272728,
  "aqi": 0.004815475757575758,
  "bids_meta": {
    "AcquisitionMatrixPE": 72,
    "AcquisitionNumber": 1,
    "AcquisitionTime": "11:31:5.972500",
    "BandwidthPerPixelPhaseEncode": 50.505,
    "BaseResolution": 72,
    "BodyPartExamined": "BRAIN",
    "ConsistencyInfo": "N4_VD13D_LATEST_20130810",
    "ConversionSoftware": "dcm2niix",
    "ConversionSoftwareVersion": "v1.0.20181125  Clang9.0.0",
    "DerivedVendorReportedEchoSpacing": 0.000550001,
    "DeviceSerialNumber": "67056",
    "DwellTime": 3.2e-06,
    "EchoTime": 0.03,
    "EchoTrainLength": 35,
    "EffectiveEchoSpacing": 0.000275,
    "FlipAngle": 80,
    "ImageComments": "Reference_volume_for_motion_correction.",
    "ImageOrientationPatientDICOM": [
      0.999509,
      -0.0258889,
      0.0176331,
      0.0196883,
      0.957074,
      0.289173
    ],
    "ImageType": [
      "ORIGINAL",
      "PRIMARY",
      "M",
      "ND",
      "MOCO",
      "MOSAIC"
    ],
    "ImagingFrequency": 123.253,
    "InPlanePhaseEncodingDirectionDICOM": "COL",
    "InstitutionAddress": "Oxford_52_Cambridge_MA_US_02138",
    "InstitutionName": "CBS_Neuroimaging",
    "InstitutionalDepartmentName": "Department",
    "MRAcquisitionType": "2D",
    "MagneticFieldStrength": 3,
    "Manufacturer": "Siemens",
    "ManufacturersModelName": "Prisma_fit",
    "Modality": "MR",
    "ParallelReductionFactorInPlane": 2,
    "PartialFourier": 1,
    "PatientPosition": "HFS",
    "PercentPhaseFOV": 100,
    "PhaseEncodingDirection": "j-",
    "PhaseEncodingSteps": 71,
    "PhaseResolution": 1,
    "PixelBandwidth": 2170,
    "ProcedureStepDescription": "Investigators_Young",
    "ProtocolName": "fMRI_PACE_3mm_36sl_TR2_p2_MoCo",
    "PulseSequenceDetails": "%SiemensSeq%_ep2d_pace",
    "ReceiveCoilActiveElements": "HEA;HEP",
    "ReceiveCoilName": "Head_32",
    "ReconMatrixPE": 72,
    "RepetitionTime": 2,
    "SAR": 0.0870135,
    "ScanOptions": "FS",
    "ScanningSequence": "EP",
    "SequenceName": "_epfid2d1_72",
    "SequenceVariant": "SK",
    "SeriesDescription": "MoCoSeries",
    "SeriesNumber": 11,
    "ShimSetting": [
      267,
      4407,
      6052,
      406,
      -20,
      -238,
      128,
      15
    ],
    "SliceThickness": 3,
    "SliceTiming": [
      0.9925,
      0,
      1.0475,
      0.055,
      1.1025,
      0.11,
      1.1575,
      0.165,
      1.2125,
      0.22,
      1.27,
      0.275,
      1.325,
      0.33,
      1.38,
      0.385,
      1.435,
      0.44,
      1.49,
      0.495,
      1.545,
      0.55,
      1.6,
      0.6075,
      1.655,
      0.6625,
      1.71,
      0.7175,
      1.765,
      0.7725,
      1.82,
      0.8275,
      1.875,
      0.8825,
      1.9325,
      0.9375
    ],
    "SoftwareVersions": "syngo_MR_D13D",
    "SpacingBetweenSlices": 3.54,
    "StationName": "MEDPC",
    "TaskName": "tom",
    "TotalReadoutTime": 0.019525,
    "TxRefAmp": 231.227,
    "dataset": "ds001722",
    "modality": "bold",
    "run_id": 2,
    "subject_id": "09",
    "task_id": "tom"
  },
  "dummy_trs": 0,
  "dvars_nstd": 28.601327896183196,
  "dvars_std": 1.236565825190839,
  "dvars_vstd": 1.0863280840458014,
  "efc": 0.503276701099521,
  "fber": 684.9796752929688,
  "fd_mean": 0.11249747593010678,
  "fd_num": 23,
  "fd_perc": 17.424242424242426,
  "fwhm_avg": 2.540864284087968,
  "fwhm_x": 2.3462066666666668,
  "fwhm_y": 2.733216666666667,
  "fwhm_z": 2.54316951893057,
  "gcor": 0.0192351,
  "gsr_x": -0.014662782661616802,
  "gsr_y": 0.04987582564353943,
  "provenance": {
    "md5sum": "cec030bfe1d11fcc530c10018ef8d1bd",
    "settings": {
      "fd_thres": 0.2,
      "testing": false
    },
    "software": "mriqc",
    "version": "23.1.0"
  },
  "size_t": 132,
  "size_x": 72,
  "size_y": 72,
  "size_z": 36,
  "snr": 2.551720522190714,
  "spacing_tr": 2.0,
  "spacing_x": 3.0,
  "spacing_y": 3.0,
  "spacing_z": 3.5399999618530273,
  "summary_bg_k": 97.13500875124318,
  "summary_bg_mad": 2.8641176650367934,
  "summary_bg_mean": 25.888260829972026,
  "summary_bg_median": 12.280303001403809,
  "summary_bg_n": 148569.0,
  "summary_bg_p05": 10.022727966308594,
  "summary_bg_p95": 91.5,
  "summary_bg_stdv": 44.18444756019167,
  "summary_fg_k": 0.41264837125499954,
  "summary_fg_mad": 118.82157754647542,
  "summary_fg_mean": 342.0595329941251,
  "summary_fg_median": 321.4015197753906,
  "summary_fg_n": 38055.0,
  "summary_fg_p05": 171.37879943847656,
  "summary_fg_p95": 580.3333740234375,
  "summary_fg_stdv": 125.95317320110865,
  "tsnr": 56.33401026483625
}