{
  "aor": 0.001150955882352941,
  "aqi": 0.0057963177205882345,
  "bids_meta": {
    "AcquisitionMatrixPE": 72,
    "AcquisitionNumber": 1,
    "AcquisitionTime": "14:51:49.240000",
    "BandwidthPerPixelPhaseEncode": 53.419,
    "BaseResolution": 72,
    "CoilString": "T:HEA;HEP",
    "ConversionSoftware": "dcm2niix",
    "ConversionSoftwareVersion": "v1.0.20181125  Clang9.0.0",
    "DerivedVendorReportedEchoSpacing": 0.000519998,
    "DeviceSerialNumber": "35380",
    "DwellTime": 3e-06,
    "EchoTime": 0.03,
    "EffectiveEchoSpacing": 0.000259999,
    "FlipAngle": 90,
    "ImageOrientationPatientDICOM": [
      0.998496,
      -0.0453368,
      -0.030821,
      0.0390828,
      0.98294,
      -0.179724
    ],
    "ImageType": [
      "ORIGINAL",
      "PRIMARY",
      "M",
      "ND",
      "MOSAIC"
    ],
    "ImagingFrequency": 123.264,
    "InPlanePhaseEncodingDirectionDICOM": "COL",
    "InstitutionAddress": "Oxford_52_Cambridge_MA_US_02138",
    "InstitutionName": "CBS_Neuroimaging",
    "InstitutionalDepartmentName": "Department",
    "MRAcquisitionType": "2D",
    "MagneticFieldStrength": 3,
    "Manufacturer": "Siemens",
    "ManufacturersModelName": "TrioTim",
    "Modality": "MR",
    "ParallelReductionFactorInPlane": 2,
    "PartialFourier": 1,
    "PatientPosition": "HFS",
    "PercentPhaseFOV": 100,
    "PhaseEncodingDirection": "j-",
    "PhaseEncodingSteps": 72,
    "PhaseResolution": 1,
    "PixelBandwidth": 2315,
    "ProcedureStepDescription": "Investigators_Young",
    "ProtocolName": "TOM",
    "PulseSequenceDetails": "%CustomerSeq%_Andre_ep2d_pace_MGH_xcalgo2",
    "ReceiveCoilName": "HeadMatrix",
    "ReconMatrixPE": 72,
    "RepetitionTime": 2,
    "SAR": 0.201404,
    "ScanOptions": "FS",
    "ScanningSequence": "EP",
    "SequenceName": "epfid2d1_72",
    "SequenceVariant": "SK",
    "SeriesDescription": "TOM",
    "SeriesNumber": 13,
    "ShimSetting": [
      -8475,
      9780,
      3043,
      331,
      -92,
      -63,
      -129,
      -105
    ],
    "SliceThickness": 3,
    "SliceTiming": [
      0.995,
      0,
      1.05,
      0.055,
      1.105,
      0.11,
      1.16,
      0.1675,
      1.215,
      0.2225,
      1.27,
      0.2775,
      1.325,
      0.3325,
      1.38,
      0.3875,
      1.4375,
      0.4425,
      1.4925,
      0.4975,
      1.5475,
      0.5525,
      1.6025,
      0.6075,
      1.6575,
      0.6625,
      1.7125,
      0.7175,
      1.7675,
      0.7725,
      1.8225,
      0.83,
      1.8775,
      0.885,
      1.9325,
      0.94
    ],
    "SoftwareVersions": "syngo_MR_B17",
    "SpacingBetweenSlices": 3.54,
    "StationName": "MEDPC",
    "TaskName": "tom",
    "TotalReadoutTime": 0.0184599,
    "TxRefAmp": 341.453,
    "dataset": "ds001722",
    "modality": "bold",
    "run_id": 1,
    "subject_id": "04",
    "task_id": "tom"
  },
  "dummy_trs": 0,
  "dvars_nstd": 30.74359732748146,
  "dvars_std": 1.0832464468888894,
  "dvars_vstd": 1.0057413161481483,
  "efc": 0.5269038799255867,
  "fber": 888.6309204101562,
  "fd_mean": 0.1872810181029539,
  "fd_num": 47,
  "fd_perc": 34.55882352941177,
  "fwhm_avg": 2.016712825560383,
  "fwhm_x": 1.9618233333333333,
  "fwhm_y": 2.128233333333333,
  "fwhm_z": 1.9600818100144823,
  "gcor": 0.0122065,
  "gsr_x": -0.002179871080443263,
  "gsr_y": 0.03265659138560295,
  "provenance": {
    "md5sum": "065aa8c220f16464fbf77561683c495c",
    "settings": {
      "fd_thres": 0.2,
      "testing": false
    },
    "software": "mriqc",
    "version": "23.1.0"
  },
  "size_t": 136,
  "size_x": 72,
  "size_y": 72,
  "size_z": 36,
  "snr": 3.6793793839635667,
  "spacing_tr": 2.0,
  "spacing_x": 3.0,
  "spacing_y": 3.0,
  "spacing_z": 3.5400002002716064,
  "summary_bg_k": 27.986370891017256,
  "summary_bg_mad": 9.048231798835635,
  "summary_bg_mean": 56.14649948776326,
  "summary_bg_median": 29.669116973876953,
  "summary_bg_n": 141930.0,
  "summary_bg_p05": 22.05882453918457,
  "summary_bg_p95": 203.58824157714844,
  "summary_bg_stdv": 78.94850100633005,
  "summary_fg_k": 1.7679809507577202,
  "summary_fg_mad": 196.85906110020505,
  "summary_fg_mean": 913.3586068253456,
  "summary_fg_median": 884.433837890625,
  "summary_fg_n": 44694.0,
  "summary_fg_p05": 572.1470336914062,
  "summary_fg_p95": 1359.88232421875,
  "summary_fg_stdv": 240.37313123130508,
  "tsnr": 50.2687806088943
}