{
  "aor": 0.0009777941176470587,
  "aqi": 0.005295019852941177,
  "bids_meta": {
    "AcquisitionMatrixPE": 72,
    "AcquisitionNumber": 1,
    "AcquisitionTime": "14:56:52.840000",
    "BandwidthPerPixelPhaseEncode": 53.419,
    "BaseResolution": 72,
    "CoilString": "T:HEA;HEP",
    "ConversionSoftware": "dcm2niix",
    "ConversionSoftwareVersion": "v1.0.20181125  Clang9.0.0",
    "DerivedVendorReportedEchoSpacing": 0.000519998,
    "DeviceSerialNumber": "35380",
    "DwellTime": 3e-06,
    "EchoTime": 0.03,
    "EffectiveEchoSpacing": 0.000259999,
    "FlipAngle": 90,
    "ImageOrientationPatientDICOM": [
      0.998496,
      -0.0453368,
      -0.030821,
      0.0390828,
      0.98294,
      -0.179724
    ],
    "ImageType": [
      "ORIGINAL",
      "PRIMARY",
      "M",
      "ND",
      "MOSAIC"
    ],
    "ImagingFrequency": 123.264,
    "InPlanePhaseEncodingDirectionDICOM": "COL",
    "InstitutionAddress": "Oxford_52_Cambridge_MA_US_02138",
    "InstitutionName": "CBS_Neuroimaging",
    "InstitutionalDepartmentName": "Department",
    "MRAcquisitionType": "2D",
    "MagneticFieldStrength": 3,
    "Manufacturer": "Siemens",
    "ManufacturersModelName": "TrioTim",
    "Modality": "MR",
    "ParallelReductionFactorInPlane": 2,
    "PartialFourier": 1,
    "PatientPosition": "HFS",
    "PercentPhaseFOV": 100,
    "PhaseEncodingDirection": "j-",
    "PhaseEncodingSteps": 72,
    "PhaseResolution": 1,
    "PixelBandwidth": 2315,
    "ProcedureStepDescription": "Investigators_Young",
    "ProtocolName": "TOM",
    "PulseSequenceDetails": "%CustomerSeq%_Andre_ep2d_pace_MGH_xcalgo2",
    "ReceiveCoilName": "HeadMatrix",
    "ReconMatrixPE": 72,
    "RepetitionTime": 2,
    "SAR": 0.201404,
    "ScanOptions": "FS",
    "ScanningSequence": "EP",
    "SequenceName": "epfid2d1_72",
    "SequenceVariant": "SK",
    "SeriesDescription": "TOM",
    "SeriesNumber": 15,
    "ShimSetting": [
      -8475,
      9780,
      3043,
      331,
      -92,
      -63,
      -129,
      -105
    ],
    "SliceThickness": 3,
    "SliceTiming": [
      0.995,
      0,
      1.05,
      0.055,
      1.105,
      0.11,
      1.16,
      0.165,
      1.215,
      0.2225,
      1.27,
      0.2775,
      1.325,
      0.3325,
      1.38,
      0.3875,
      1.435,
      0.4425,
      1.4925,
      0.4975,
      1.5475,
      0.5525,
      1.6025,
      0.6075,
      1.6575,
      0.6625,
      1.7125,
      0.7175,
      1.7675,
      0.7725,
      1.8225,
      0.83,
      1.8775,
      0.885,
      1.9325,
      0.94
    ],
    "SoftwareVersions": "syngo_MR_B17",
    "SpacingBetweenSlices": 3.54,
    "StationName": "MEDPC",
    "TaskName": "tom",
    "TotalReadoutTime": 0.0184599,
    "TxRefAmp": 341.453,
    "dataset": "ds001722",
    "modality": "bold",
    "run_id": 2,
    "subject_id": "04",
    "task_id": "tom"
  },
  "dummy_trs": 0,
  "dvars_nstd": 29.59201301296295,
  "dvars_std": 1.0695864298518525,
  "dvars_vstd": 1.0081164814814818,
  "efc": 0.526102001285182,
  "fber": 904.0313720703125,
  "fd_mean": 0.17754575242877352,
  "fd_num": 42,
  "fd_perc": 30.88235294117647,
  "fwhm_avg": 1.9961250481346207,
  "fwhm_x": 1.9423533333333334,
  "fwhm_y": 2.1046066666666667,
  "fwhm_z": 1.9414151444038616,
  "gcor": 0.015803,
  "gsr_x": -0.0015308416914194822,
  "gsr_y": 0.03169933333992958,
  "provenance": {
    "md5sum": "3a736f6c5c7dffe023eb49fa80b63e8e",
    "settings": {
      "fd_thres": 0.2,
      "testing": false
    },
    "software": "mriqc",
    "version": "23.1.0"
  },
  "size_t": 136,
  "size_x": 72,
  "size_y": 72,
  "size_z": 36,
  "snr": 3.715708627118957,
  "spacing_tr": 2.0,
  "spacing_x": 3.0,
  "spacing_y": 3.0,
  "spacing_z": 3.5400002002716064,
  "summary_bg_k": 28.131647485649115,
  "summary_bg_mad": 8.7211893542777,
  "summary_bg_mean": 55.90325348216338,
  "summary_bg_median": 29.47058868408203,
  "summary_bg_n": 142081.0,
  "summary_bg_p05": 22.147058486938477,
  "summary_bg_p95": 201.64706420898438,
  "summary_bg_stdv": 78.81089398909235,
  "summary_fg_k": 1.794009804637791,
  "summary_fg_mad": 194.90771623693269,
  "summary_fg_mean": 914.8160552764414,
  "summary_fg_median": 886.0955810546875,
  "summary_fg_n": 44543.0,
  "summary_fg_p05": 577.6764526367188,
  "summary_fg_p95": 1355.875,
  "summary_fg_stdv": 238.47016098434582,
  "tsnr": 52.03009059629403
}