{
  "aor": 0.0023675000000000002,
  "aqi": 0.0017624833106060604,
  "bids_meta": {
    "AcquisitionMatrixPE": 72,
    "AcquisitionNumber": 1,
    "AcquisitionTime": "17:00:10.082500",
    "BandwidthPerPixelPhaseEncode": 50.505,
    "BaseResolution": 72,
    "BodyPartExamined": "BRAIN",
    "ConsistencyInfo": "N4_VD13D_LATEST_20130810",
    "ConversionSoftware": "dcm2niix",
    "ConversionSoftwareVersion": "v1.0.20181125  Clang9.0.0",
    "DerivedVendorReportedEchoSpacing": 0.000550001,
    "DeviceSerialNumber": "67056",
    "DwellTime": 3.2e-06,
    "EchoTime": 0.03,
    "EchoTrainLength": 35,
    "EffectiveEchoSpacing": 0.000275,
    "FlipAngle": 80,
    "ImageComments": "Reference_volume_for_motion_correction.",
    "ImageOrientationPatientDICOM": [
      0.998714,
      0.0010464,
      0.0506807,
      -0.00657354,
      0.994018,
      0.109015
    ],
    "ImageType": [
      "ORIGINAL",
      "PRIMARY",
      "M",
      "ND",
      "MOCO",
      "MOSAIC"
    ],
    "ImagingFrequency": 123.253,
    "InPlanePhaseEncodingDirectionDICOM": "COL",
    "InstitutionAddress": "Oxford_52_Cambridge_MA_US_02138",
    "InstitutionName": "CBS_Neuroimaging",
    "InstitutionalDepartmentName": "Department",
    "MRAcquisitionType": "2D",
    "MagneticFieldStrength": 3,
    "Manufacturer": "Siemens",
    "ManufacturersModelName": "Prisma_fit",
    "Modality": "MR",
    "ParallelReductionFactorInPlane": 2,
    "PartialFourier": 1,
    "PatientPosition": "HFS",
    "PercentPhaseFOV": 100,
    "PhaseEncodingDirection": "j-",
    "PhaseEncodingSteps": 71,
    "PhaseResolution": 1,
    "PixelBandwidth": 2170,
    "ProcedureStepDescription": "Investigators_Young",
    "ProtocolName": "fMRI_PACE_3mm_36sl_TR2_p2_MoCo",
    "PulseSequenceDetails": "%SiemensSeq%_ep2d_pace",
    "ReceiveCoilActiveElements": "HEA;HEP",
    "ReceiveCoilName": "Head_32",
    "ReconMatrixPE": 72,
    "RepetitionTime": 2,
    "SAR": 0.0766895,
    "ScanOptions": "FS",
    "ScanningSequence": "EP",
    "SequenceName": "_epfid2d1_72",
    "SequenceVariant": "SK",
    "SeriesDescription": "MoCoSeries",
    "SeriesNumber": 9,
    "ShimSetting": [
      274,
      4451,
      6056,
      403,
      -19,
      -85,
      103,
      -14
    ],
    "SliceThickness": 3,
    "SliceTiming": [
      0.9925,
      0,
      1.0475,
      0.055,
      1.1025,
      0.11,
      1.1575,
      0.165,
      1.2125,
      0.22,
      1.27,
      0.275,
      1.325,
      0.33,
      1.38,
      0.385,
      1.435,
      0.44,
      1.49,
      0.495,
      1.545,
      0.55,
      1.6,
      0.6075,
      1.655,
      0.6625,
      1.71,
      0.7175,
      1.765,
      0.7725,
      1.82,
      0.8275,
      1.875,
      0.8825,
      1.9325,
      0.9375
    ],
    "SoftwareVersions": "syngo_MR_D13D",
    "SpacingBetweenSlices": 3.54,
    "StationName": "MEDPC",
    "TaskName": "tom",
    "TotalReadoutTime": 0.019525,
    "TxRefAmp": 222.709,
    "dataset": "ds001722",
    "modality": "bold",
    "run_id": 1,
    "subject_id": "13",
    "task_id": "tom"
  },
  "dummy_trs": 0,
  "dvars_nstd": 20.618248699389312,
  "dvars_std": 1.1460907420610684,
  "dvars_vstd": 1.0204825775572517,
  "efc": 0.4916239204597671,
  "fber": 856.5281372070312,
  "fd_mean": 0.05039065093063093,
  "fd_num": 1,
  "fd_perc": 0.7575757575757576,
  "fwhm_avg": 2.619849802240093,
  "fwhm_x": 2.4783666666666666,
  "fwhm_y": 2.7652533333333333,
  "fwhm_z": 2.6159294067202787,
  "gcor": 0.0556401,
  "gsr_x": -0.010662984102964401,
  "gsr_y": 0.032152194529771805,
  "provenance": {
    "md5sum": "173af3152c4cdca3a0349c5070cc3616",
    "settings": {
      "fd_thres": 0.2,
      "testing": false
    },
    "software": "mriqc",
    "version": "23.1.0"
  },
  "size_t": 132,
  "size_x": 72,
  "size_y": 72,
  "size_z": 36,
  "snr": 2.384821835874243,
  "spacing_tr": 2.0,
  "spacing_x": 3.0,
  "spacing_y": 3.0,
  "spacing_z": 3.5399999618530273,
  "summary_bg_k": 51.04948563278789,
  "summary_bg_mad": 2.9988995563627885,
  "summary_bg_mean": 24.486445028514368,
  "summary_bg_median": 12.280303001403809,
  "summary_bg_n": 146947.0,
  "summary_bg_p05": 9.909090995788574,
  "summary_bg_p95": 86.42424774169922,
  "summary_bg_stdv": 37.631345163851776,
  "summary_fg_k": 0.32337152796539037,
  "summary_fg_mad": 145.20515999149234,
  "summary_fg_mean": 386.78575777758135,
  "summary_fg_median": 359.4015197753906,
  "summary_fg_n": 39677.0,
  "summary_fg_p05": 187.87879943847656,
  "summary_fg_p95": 673.8030395507812,
  "summary_fg_stdv": 150.70181983791366,
  "tsnr": 79.7150978539139
}