{
  "aor": 0.0008336764705882354,
  "aqi": 0.009349141764705882,
  "bids_meta": {
    "AcquisitionMatrixPE": 136,
    "AcquisitionNumber": 1,
    "AcquisitionTime": "11:31:16.740000",
    "BandwidthPerPixelPhaseEncode": 21.626,
    "BaseResolution": 136,
    "BodyPartExamined": "BRAIN",
    "ConsistencyInfo": "N4_VD13D_LATEST_20130810",
    "ConversionSoftware": "dcm2niix",
    "ConversionSoftwareVersion": "v1.0.20181125  Clang9.0.0",
    "DerivedVendorReportedEchoSpacing": 0.000680009,
    "DeviceSerialNumber": "67056",
    "DwellTime": 2.2e-06,
    "EchoTime": 0.03,
    "EchoTrainLength": 67,
    "EffectiveEchoSpacing": 0.000340005,
    "FlipAngle": 80,
    "ImageComments": "Unaliased_MB3_PE4_LB",
    "ImageOrientationPatientDICOM": [
      0.999781,
      0.00561936,
      -0.0201477,
      -0.0132397,
      0.915728,
      -0.401582
    ],
    "ImageType": [
      "ORIGINAL",
      "PRIMARY",
      "M",
      "MB",
      "ND",
      "MOSAIC"
    ],
    "ImagingFrequency": 123.254,
    "InPlanePhaseEncodingDirectionDICOM": "COL",
    "InstitutionAddress": "Oxford_52_Cambridge_MA_US_02138",
    "InstitutionName": "CBS_Neuroimaging",
    "InstitutionalDepartmentName": "Department",
    "MRAcquisitionType": "2D",
    "MagneticFieldStrength": 3,
    "Manufacturer": "Siemens",
    "ManufacturersModelName": "Prisma_fit",
    "Modality": "MR",
    "MultibandAccelerationFactor": 3,
    "ParallelReductionFactorInPlane": 2,
    "PartialFourier": 1,
    "PatientPosition": "HFS",
    "PercentPhaseFOV": 100,
    "PhaseEncodingDirection": "j-",
    "PhaseEncodingSteps": 135,
    "PhaseResolution": 1,
    "PixelBandwidth": 1670,
    "ProcedureStepDescription": "Investigators_Young",
    "ProtocolName": "SMS_Minn_1p5mm_ToM_loc_136",
    "PulseSequenceDetails": "%CustomerSeq%_cmrr_mbep2d_bold",
    "ReceiveCoilActiveElements": "HEA;HEP",
    "ReceiveCoilName": "Head_32",
    "ReconMatrixPE": 136,
    "RepetitionTime": 2,
    "SAR": 0.081822,
    "ScanOptions": "FS",
    "ScanningSequence": "EP",
    "SequenceName": "epfid2d1_136",
    "SequenceVariant": "SK_SS",
    "SeriesDescription": "SMS_Minn_1p5mm_ToM_loc_136",
    "SeriesNumber": 9,
    "ShimSetting": [
      251,
      4436,
      6017,
      311,
      -49,
      92,
      47,
      23
    ],
    "SliceThickness": 1.5,
    "SliceTiming": [
      0,
      0.92,
      1.84,
      0.7775,
      1.6975,
      0.6375,
      1.555,
      0.495,
      1.415,
      0.355,
      1.2725,
      0.2125,
      1.1325,
      0.07,
      0.99,
      1.91,
      0.85,
      1.7675,
      0.7075,
      1.6275,
      0.565,
      1.485,
      0.425,
      1.345,
      0.2825,
      1.2025,
      0.1425,
      1.06,
      0,
      0.92,
      1.84,
      0.7775,
      1.6975,
      0.6375,
      1.555,
      0.495,
      1.415,
      0.355,
      1.2725,
      0.2125,
      1.1325,
      0.07,
      0.99,
      1.91,
      0.85,
      1.7675,
      0.7075,
      1.6275,
      0.565,
      1.485,
      0.425,
      1.345,
      0.2825,
      1.2025,
      0.1425,
      1.06,
      0,
      0.92,
      1.84,
      0.7775,
      1.6975,
      0.6375,
      1.555,
      0.495,
      1.415,
      0.355,
      1.2725,
      0.2125,
      1.1325,
      0.07,
      0.99,
      1.91,
      0.85,
      1.7675,
      0.7075,
      1.6275,
      0.565,
      1.485,
      0.425,
      1.345,
      0.2825,
      1.2025,
      0.1425,
      1.06
    ],
    "SoftwareVersions": "syngo_MR_D13D",
    "SpacingBetweenSlices": 1.5,
    "StationName": "MEDPC",
    "TaskName": "tom",
    "TotalReadoutTime": 0.0459006,
    "TxRefAmp": 236.826,
    "WipMemBlock": "0868d080-d424-4904-bc4d-8fd0c1529bc0||Sequence: vd13d/master r/f9db0a8; Dec 14 2015 17:01:19 by eja",
    "dataset": "ds001722",
    "modality": "bold",
    "run_id": 1,
    "subject_id": "18",
    "task_id": "tom"
  },
  "dummy_trs": 0,
  "dvars_nstd": 65.70858722288891,
  "dvars_std": 1.039290029777778,
  "dvars_vstd": 1.0243043776296301,
  "efc": 0.5740921544666399,
  "fber": 269.6002502441406,
  "fd_mean": 0.14165757732206682,
  "fd_num": 28,
  "fd_perc": 20.58823529411765,
  "fwhm_avg": 3.554917777777778,
  "fwhm_x": 3.1710933333333333,
  "fwhm_y": 3.7489133333333338,
  "fwhm_z": 3.7447466666666664,
  "gcor": 0.0024326,
  "gsr_x": -0.005652896128594875,
  "gsr_y": 0.05812184140086174,
  "provenance": {
    "md5sum": "ead1e612c5014dc224cbe85ac796c546",
    "settings": {
      "fd_thres": 0.2,
      "testing": false
    },
    "software": "mriqc",
    "version": "23.1.0"
  },
  "size_t": 136,
  "size_x": 136,
  "size_y": 136,
  "size_z": 84,
  "snr": 2.032621290802218,
  "spacing_tr": 2.0,
  "spacing_x": 1.5,
  "spacing_y": 1.5,
  "spacing_z": 1.5,
  "summary_bg_k": 29.739188792791055,
  "summary_bg_mad": 96.78341135107694,
  "summary_bg_mean": 665.915683750038,
  "summary_bg_median": 373.48529052734375,
  "summary_bg_n": 1113750.0,
  "summary_bg_p05": 293.6617736816406,
  "summary_bg_p95": 2253.779541015625,
  "summary_bg_stdv": 829.8562996528146,
  "summary_fg_k": 0.8198856445072837,
  "summary_fg_mad": 2807.9400128199345,
  "summary_fg_mean": 6706.740685409032,
  "summary_fg_median": 6132.445068359375,
  "summary_fg_n": 439914.0,
  "summary_fg_p05": 2845.75,
  "summary_fg_p95": 12359.2724609375,
  "summary_fg_stdv": 3017.0096741854004,
  "tsnr": 23.207405510358512
}