{
  "aor": 0.0007002205882352941,
  "aqi": 0.009073217941176472,
  "bids_meta": {
    "AcquisitionMatrixPE": 136,
    "AcquisitionNumber": 1,
    "AcquisitionTime": "11:37:13.570000",
    "BandwidthPerPixelPhaseEncode": 21.626,
    "BaseResolution": 136,
    "BodyPartExamined": "BRAIN",
    "ConsistencyInfo": "N4_VD13D_LATEST_20130810",
    "ConversionSoftware": "dcm2niix",
    "ConversionSoftwareVersion": "v1.0.20181125  Clang9.0.0",
    "DerivedVendorReportedEchoSpacing": 0.000680009,
    "DeviceSerialNumber": "67056",
    "DwellTime": 2.2e-06,
    "EchoTime": 0.03,
    "EchoTrainLength": 67,
    "EffectiveEchoSpacing": 0.000340005,
    "FlipAngle": 80,
    "ImageComments": "Unaliased_MB3_PE4_LB",
    "ImageOrientationPatientDICOM": [
      0.999781,
      0.00561936,
      -0.0201477,
      -0.0132397,
      0.915728,
      -0.401582
    ],
    "ImageType": [
      "ORIGINAL",
      "PRIMARY",
      "M",
      "MB",
      "ND",
      "MOSAIC"
    ],
    "ImagingFrequency": 123.254,
    "InPlanePhaseEncodingDirectionDICOM": "COL",
    "InstitutionAddress": "Oxford_52_Cambridge_MA_US_02138",
    "InstitutionName": "CBS_Neuroimaging",
    "InstitutionalDepartmentName": "Department",
    "MRAcquisitionType": "2D",
    "MagneticFieldStrength": 3,
    "Manufacturer": "Siemens",
    "ManufacturersModelName": "Prisma_fit",
    "Modality": "MR",
    "MultibandAccelerationFactor": 3,
    "ParallelReductionFactorInPlane": 2,
    "PartialFourier": 1,
    "PatientPosition": "HFS",
    "PercentPhaseFOV": 100,
    "PhaseEncodingDirection": "j-",
    "PhaseEncodingSteps": 135,
    "PhaseResolution": 1,
    "PixelBandwidth": 1670,
    "ProcedureStepDescription": "Investigators_Young",
    "ProtocolName": "SMS_Minn_1p5mm_ToM_loc_136",
    "PulseSequenceDetails": "%CustomerSeq%_cmrr_mbep2d_bold",
    "ReceiveCoilActiveElements": "HEA;HEP",
    "ReceiveCoilName": "Head_32",
    "ReconMatrixPE": 136,
    "RepetitionTime": 2,
    "SAR": 0.081822,
    "ScanOptions": "FS",
    "ScanningSequence": "EP",
    "SequenceName": "epfid2d1_136",
    "SequenceVariant": "SK_SS",
    "SeriesDescription": "SMS_Minn_1p5mm_ToM_loc_136",
    "SeriesNumber": 11,
    "ShimSetting": [
      251,
      4436,
      6017,
      311,
      -49,
      92,
      47,
      23
    ],
    "SliceThickness": 1.5,
    "SliceTiming": [
      0,
      0.9175,
      1.8375,
      0.7775,
      1.6975,
      0.635,
      1.555,
      0.495,
      1.4125,
      0.3525,
      1.2725,
      0.2125,
      1.13,
      0.07,
      0.99,
      1.9075,
      0.8475,
      1.7675,
      0.7075,
      1.625,
      0.565,
      1.485,
      0.4225,
      1.3425,
      0.2825,
      1.2025,
      0.14,
      1.06,
      0,
      0.9175,
      1.8375,
      0.7775,
      1.6975,
      0.635,
      1.555,
      0.495,
      1.4125,
      0.3525,
      1.2725,
      0.2125,
      1.13,
      0.07,
      0.99,
      1.9075,
      0.8475,
      1.7675,
      0.7075,
      1.625,
      0.565,
      1.485,
      0.4225,
      1.3425,
      0.2825,
      1.2025,
      0.14,
      1.06,
      0,
      0.9175,
      1.8375,
      0.7775,
      1.6975,
      0.635,
      1.555,
      0.495,
      1.4125,
      0.3525,
      1.2725,
      0.2125,
      1.13,
      0.07,
      0.99,
      1.9075,
      0.8475,
      1.7675,
      0.7075,
      1.625,
      0.565,
      1.485,
      0.4225,
      1.3425,
      0.2825,
      1.2025,
      0.14,
      1.06
    ],
    "SoftwareVersions": "syngo_MR_D13D",
    "SpacingBetweenSlices": 1.5,
    "StationName": "MEDPC",
    "TaskName": "tom",
    "TotalReadoutTime": 0.0459006,
    "TxRefAmp": 236.826,
    "WipMemBlock": "44562c25-2840-47ab-8165-51138903b0b1||Sequence: vd13d/master r/f9db0a8; Dec 14 2015 17:01:19 by eja",
    "dataset": "ds001722",
    "modality": "bold",
    "run_id": 2,
    "subject_id": "18",
    "task_id": "tom"
  },
  "dummy_trs": 0,
  "dvars_nstd": 64.91045065985188,
  "dvars_std": 1.0380151971111113,
  "dvars_vstd": 1.0035182219259258,
  "efc": 0.5745276306583553,
  "fber": 264.7687683105469,
  "fd_mean": 0.12172641572370069,
  "fd_num": 15,
  "fd_perc": 11.029411764705882,
  "fwhm_avg": 3.5746511111111112,
  "fwhm_x": 3.1806666666666668,
  "fwhm_y": 3.7497933333333333,
  "fwhm_z": 3.7934933333333336,
  "gcor": 0.00179733,
  "gsr_x": -0.006102696992456913,
  "gsr_y": 0.05879687890410423,
  "provenance": {
    "md5sum": "1fdb4d01e96b5dc2da669327dcbf99f4",
    "settings": {
      "fd_thres": 0.2,
      "testing": false
    },
    "software": "mriqc",
    "version": "23.1.0"
  },
  "size_t": 136,
  "size_x": 136,
  "size_y": 136,
  "size_z": 84,
  "snr": 2.0240932798009346,
  "spacing_tr": 2.0,
  "spacing_x": 1.5,
  "spacing_y": 1.5,
  "spacing_z": 1.5,
  "summary_bg_k": 31.37312900470512,
  "summary_bg_mad": 100.56620069068812,
  "summary_bg_mean": 671.0879890474075,
  "summary_bg_median": 378.2720642089844,
  "summary_bg_n": 1111828.0,
  "summary_bg_p05": 298.058837890625,
  "summary_bg_p95": 2264.9853515625,
  "summary_bg_stdv": 845.5185806105274,
  "summary_fg_k": 0.8096986917286353,
  "summary_fg_mad": 2829.6827942319005,
  "summary_fg_mean": 6732.573427897664,
  "summary_fg_median": 6155.135986328125,
  "summary_fg_n": 441836.0,
  "summary_fg_p05": 2830.301513671875,
  "summary_fg_p95": 12429.125,
  "summary_fg_stdv": 3040.931503671394,
  "tsnr": 23.484462059568614
}