{
  "aor": 0.0007413235294117646,
  "aqi": 0.0070653022058823544,
  "bids_meta": {
    "AcquisitionMatrixPE": 72,
    "AcquisitionNumber": 1,
    "AcquisitionTime": "19:17:14.197500",
    "BandwidthPerPixelPhaseEncode": 53.419,
    "BaseResolution": 72,
    "CoilString": "T:HEA;HEP",
    "ConversionSoftware": "dcm2niix",
    "ConversionSoftwareVersion": "v1.0.20181125  Clang9.0.0",
    "DerivedVendorReportedEchoSpacing": 0.000519998,
    "DeviceSerialNumber": "35380",
    "DwellTime": 3e-06,
    "EchoTime": 0.03,
    "EffectiveEchoSpacing": 0.000259999,
    "FlipAngle": 90,
    "ImageOrientationPatientDICOM": [
      0.998941,
      0.0452267,
      0.00843211,
      -0.0458957,
      0.992353,
      0.114582
    ],
    "ImageType": [
      "ORIGINAL",
      "PRIMARY",
      "M",
      "ND",
      "MOSAIC"
    ],
    "ImagingFrequency": 123.263,
    "InPlanePhaseEncodingDirectionDICOM": "COL",
    "InstitutionAddress": "Oxford_52_Cambridge_MA_US_02138",
    "InstitutionName": "CBS_Neuroimaging",
    "InstitutionalDepartmentName": "Department",
    "MRAcquisitionType": "2D",
    "MagneticFieldStrength": 3,
    "Manufacturer": "Siemens",
    "ManufacturersModelName": "TrioTim",
    "Modality": "MR",
    "ParallelReductionFactorInPlane": 2,
    "PartialFourier": 1,
    "PatientPosition": "HFS",
    "PercentPhaseFOV": 100,
    "PhaseEncodingDirection": "j-",
    "PhaseEncodingSteps": 72,
    "PhaseResolution": 1,
    "PixelBandwidth": 2315,
    "ProcedureStepDescription": "Investigators_Young",
    "ProtocolName": "ToM",
    "PulseSequenceDetails": "%CustomerSeq%_Andre_ep2d_pace_MGH_xcalgo2",
    "ReceiveCoilName": "HeadMatrix",
    "ReconMatrixPE": 72,
    "RepetitionTime": 2,
    "SAR": 0.20768,
    "ScanOptions": "FS",
    "ScanningSequence": "EP",
    "SequenceName": "epfid2d1_72",
    "SequenceVariant": "SK",
    "SeriesDescription": "ToM",
    "SeriesNumber": 11,
    "ShimSetting": [
      -8477,
      9312,
      3105,
      460,
      -166,
      -135,
      289,
      -73
    ],
    "SliceThickness": 3,
    "SliceTiming": [
      0.9925,
      0,
      1.0475,
      0.055,
      1.1025,
      0.11,
      1.16,
      0.165,
      1.215,
      0.22,
      1.27,
      0.275,
      1.325,
      0.33,
      1.38,
      0.385,
      1.435,
      0.44,
      1.49,
      0.4975,
      1.545,
      0.5525,
      1.6,
      0.6075,
      1.655,
      0.6625,
      1.71,
      0.7175,
      1.765,
      0.7725,
      1.8225,
      0.8275,
      1.8775,
      0.8825,
      1.9325,
      0.9375
    ],
    "SoftwareVersions": "syngo_MR_B17",
    "SpacingBetweenSlices": 3.54,
    "StationName": "MEDPC",
    "TaskName": "tom",
    "TotalReadoutTime": 0.0184599,
    "TxRefAmp": 319.899,
    "dataset": "ds001722",
    "modality": "bold",
    "run_id": 1,
    "subject_id": "02",
    "task_id": "tom"
  },
  "dummy_trs": 0,
  "dvars_nstd": 30.642842299703698,
  "dvars_std": 1.0852716472592587,
  "dvars_vstd": 1.0049475470370368,
  "efc": 0.5099574709695672,
  "fber": 851.48095703125,
  "fd_mean": 0.11187927240156147,
  "fd_num": 5,
  "fd_perc": 3.676470588235294,
  "fwhm_avg": 1.7923351093882116,
  "fwhm_x": 1.7305633333333335,
  "fwhm_y": 1.95725,
  "fwhm_z": 1.689191994831301,
  "gcor": 0.00728342,
  "gsr_x": -0.0013896697200834751,
  "gsr_y": 0.01883363537490368,
  "provenance": {
    "md5sum": "f376c3e3d7654b032693fd5b0167ec0f",
    "settings": {
      "fd_thres": 0.2,
      "testing": false
    },
    "software": "mriqc",
    "version": "23.1.0"
  },
  "size_t": 136,
  "size_x": 72,
  "size_y": 72,
  "size_z": 36,
  "snr": 4.986362128687219,
  "spacing_tr": 2.0,
  "spacing_x": 3.0,
  "spacing_y": 3.0,
  "spacing_z": 3.5400002002716064,
  "summary_bg_k": 26.59634681345217,
  "summary_bg_mad": 9.288069334613901,
  "summary_bg_mean": 49.32742898177558,
  "summary_bg_median": 28.816177368164062,
  "summary_bg_n": 147565.0,
  "summary_bg_p05": 20.823530197143555,
  "summary_bg_p95": 162.47793579101562,
  "summary_bg_stdv": 64.38868278319954,
  "summary_fg_k": 0.6553780736950934,
  "summary_fg_mad": 154.1906307245826,
  "summary_fg_mean": 837.6554929798273,
  "summary_fg_median": 840.8602905273438,
  "summary_fg_n": 39059.0,
  "summary_fg_p05": 539.6544189453125,
  "summary_fg_p95": 1101.058837890625,
  "summary_fg_stdv": 168.6298557509,
  "tsnr": 53.29404035420157
}