{
  "aor": 0.0016926923076923076,
  "aqi": 0.0028582376923076925,
  "bids_meta": {
    "AcquisitionMatrixPE": 72,
    "AcquisitionNumber": 1,
    "AcquisitionTime": "16:57:45.345000",
    "BandwidthPerPixelPhaseEncode": 50.505,
    "BaseResolution": 72,
    "BodyPartExamined": "BRAIN",
    "ConsistencyInfo": "N4_VD13D_LATEST_20130810",
    "ConversionSoftware": "dcm2niix",
    "ConversionSoftwareVersion": "v1.0.20181125  Clang9.0.0",
    "DerivedVendorReportedEchoSpacing": 0.000550001,
    "DeviceSerialNumber": "67056",
    "DwellTime": 3.2e-06,
    "EchoTime": 0.03,
    "EchoTrainLength": 35,
    "EffectiveEchoSpacing": 0.000275,
    "FlipAngle": 80,
    "ImageComments": "Reference_volume_for_motion_correction.",
    "ImageOrientationPatientDICOM": [
      0.999364,
      0.0307233,
      -0.0180789,
      -0.0250538,
      0.966115,
      0.256895
    ],
    "ImageType": [
      "ORIGINAL",
      "PRIMARY",
      "M",
      "ND",
      "MOCO",
      "MOSAIC"
    ],
    "ImagingFrequency": 123.254,
    "InPlanePhaseEncodingDirectionDICOM": "COL",
    "InstitutionAddress": "Oxford_52_Cambridge_MA_US_02138",
    "InstitutionName": "CBS_Neuroimaging",
    "InstitutionalDepartmentName": "Department",
    "MRAcquisitionType": "2D",
    "MagneticFieldStrength": 3,
    "Manufacturer": "Siemens",
    "ManufacturersModelName": "Prisma_fit",
    "Modality": "MR",
    "ParallelReductionFactorInPlane": 2,
    "PartialFourier": 1,
    "PatientPosition": "HFS",
    "PercentPhaseFOV": 100,
    "PhaseEncodingDirection": "j-",
    "PhaseEncodingSteps": 71,
    "PhaseResolution": 1,
    "PixelBandwidth": 2170,
    "ProcedureStepDescription": "Investigators_Young",
    "ProtocolName": "fMRI_PACE_3mm_36sl_TR2_p2_MoCo",
    "PulseSequenceDetails": "%SiemensSeq%_ep2d_pace",
    "ReceiveCoilActiveElements": "HEA;HEP",
    "ReceiveCoilName": "Head_32",
    "ReconMatrixPE": 72,
    "RepetitionTime": 2,
    "SAR": 0.0779507,
    "ScanOptions": "FS",
    "ScanningSequence": "EP",
    "SequenceName": "_epfid2d1_72",
    "SequenceVariant": "SK",
    "SeriesDescription": "MoCoSeries",
    "SeriesNumber": 9,
    "ShimSetting": [
      252,
      4410,
      5999,
      433,
      -32,
      -150,
      135,
      -8
    ],
    "SliceThickness": 3,
    "SliceTiming": [
      0.9925,
      0,
      1.0475,
      0.055,
      1.1025,
      0.11,
      1.1575,
      0.165,
      1.2125,
      0.22,
      1.27,
      0.275,
      1.325,
      0.33,
      1.38,
      0.385,
      1.435,
      0.44,
      1.49,
      0.495,
      1.545,
      0.55,
      1.6,
      0.6075,
      1.655,
      0.6625,
      1.71,
      0.7175,
      1.765,
      0.7725,
      1.82,
      0.8275,
      1.875,
      0.8825,
      1.9325,
      0.9375
    ],
    "SoftwareVersions": "syngo_MR_D13D",
    "SpacingBetweenSlices": 3.54,
    "StationName": "MEDPC",
    "TaskName": "tom",
    "TotalReadoutTime": 0.019525,
    "TxRefAmp": 235.094,
    "dataset": "ds001722",
    "modality": "bold",
    "run_id": 1,
    "subject_id": "14",
    "task_id": "tom"
  },
  "dummy_trs": 2,
  "dvars_nstd": 22.50239746372094,
  "dvars_std": 1.2275638582170536,
  "dvars_vstd": 1.0333196159689921,
  "efc": 0.5264134678797856,
  "fber": 726.1211547851562,
  "fd_mean": 0.051359660513313816,
  "fd_num": 0,
  "fd_perc": 0.0,
  "fwhm_avg": 2.636993210874186,
  "fwhm_x": 2.4102633333333334,
  "fwhm_y": 2.8928066666666665,
  "fwhm_z": 2.6079096326225586,
  "gcor": 0.0188891,
  "gsr_x": -0.009462072513997555,
  "gsr_y": 0.05867129936814308,
  "provenance": {
    "md5sum": "9221f75590ab1e9846015ea567b986a3",
    "settings": {
      "fd_thres": 0.2,
      "testing": false
    },
    "software": "mriqc",
    "version": "23.1.0"
  },
  "size_t": 130,
  "size_x": 72,
  "size_y": 72,
  "size_z": 36,
  "snr": 2.5129776650263316,
  "spacing_tr": 2.0,
  "spacing_x": 3.0,
  "spacing_y": 3.0,
  "spacing_z": 3.5399999618530273,
  "summary_bg_k": 28.876725195739997,
  "summary_bg_mad": 3.524030730979792,
  "summary_bg_mean": 30.3743111258965,
  "summary_bg_median": 12.684615135192871,
  "summary_bg_n": 144302.0,
  "summary_bg_p05": 9.930768966674805,
  "summary_bg_p95": 120.51538848876953,
  "summary_bg_stdv": 48.989667645868224,
  "summary_fg_k": -0.017197081957949223,
  "summary_fg_mad": 136.17701150746808,
  "summary_fg_mean": 364.09627467858917,
  "summary_fg_median": 341.8076934814453,
  "summary_fg_n": 42322.0,
  "summary_fg_p05": 180.515380859375,
  "summary_fg_p95": 619.3384399414062,
  "summary_fg_stdv": 136.0153972057608,
  "tsnr": 83.39872628403828
}