{
  "aor": 0.000513235294117647,
  "aqi": 0.009016301911764706,
  "bids_meta": {
    "AcquisitionMatrixPE": 72,
    "AcquisitionNumber": 1,
    "AcquisitionTime": "15:38:53.687500",
    "BandwidthPerPixelPhaseEncode": 53.419,
    "BaseResolution": 72,
    "CoilString": "T:HEA;HEP",
    "ConversionSoftware": "dcm2niix",
    "ConversionSoftwareVersion": "v1.0.20181125  Clang9.0.0",
    "DerivedVendorReportedEchoSpacing": 0.000519998,
    "DeviceSerialNumber": "35380",
    "DwellTime": 3e-06,
    "EchoTime": 0.03,
    "EffectiveEchoSpacing": 0.000259999,
    "FlipAngle": 90,
    "ImageOrientationPatientDICOM": [
      0.985036,
      0.168236,
      -0.037428,
      -0.16229,
      0.978513,
      0.127181
    ],
    "ImageType": [
      "ORIGINAL",
      "PRIMARY",
      "M",
      "ND",
      "MOSAIC"
    ],
    "ImagingFrequency": 123.264,
    "InPlanePhaseEncodingDirectionDICOM": "COL",
    "InstitutionAddress": "Oxford_52_Cambridge_MA_US_02138",
    "InstitutionName": "CBS_Neuroimaging",
    "InstitutionalDepartmentName": "Department",
    "MRAcquisitionType": "2D",
    "MagneticFieldStrength": 3,
    "Manufacturer": "Siemens",
    "ManufacturersModelName": "TrioTim",
    "Modality": "MR",
    "ParallelReductionFactorInPlane": 2,
    "PartialFourier": 1,
    "PatientPosition": "HFS",
    "PercentPhaseFOV": 100,
    "PhaseEncodingDirection": "j-",
    "PhaseEncodingSteps": 72,
    "PhaseResolution": 1,
    "PixelBandwidth": 2315,
    "ProcedureStepDescription": "Investigators_Young",
    "ProtocolName": "ToM",
    "PulseSequenceDetails": "%CustomerSeq%_Andre_ep2d_pace_MGH_xcalgo3",
    "ReceiveCoilName": "HeadMatrix",
    "ReconMatrixPE": 72,
    "RepetitionTime": 2,
    "SAR": 0.220352,
    "ScanOptions": "FS",
    "ScanningSequence": "EP",
    "SequenceName": "epfid2d1_72",
    "SequenceVariant": "SK",
    "SeriesDescription": "ToM",
    "SeriesNumber": 11,
    "ShimSetting": [
      -8507,
      9317,
      3160,
      764,
      -165,
      -112,
      173,
      -103
    ],
    "SliceThickness": 3,
    "SliceTiming": [
      0.9925,
      0,
      1.0475,
      0.055,
      1.1025,
      0.11,
      1.1575,
      0.165,
      1.2125,
      0.22,
      1.27,
      0.275,
      1.325,
      0.33,
      1.38,
      0.385,
      1.435,
      0.44,
      1.49,
      0.495,
      1.545,
      0.55,
      1.6,
      0.6075,
      1.655,
      0.6625,
      1.71,
      0.7175,
      1.765,
      0.7725,
      1.82,
      0.8275,
      1.875,
      0.8825,
      1.9325,
      0.9375
    ],
    "SoftwareVersions": "syngo_MR_B17",
    "SpacingBetweenSlices": 3.54,
    "StationName": "MEDPC",
    "TaskName": "tom",
    "TotalReadoutTime": 0.0184599,
    "TxRefAmp": 339.633,
    "dataset": "ds001722",
    "modality": "bold",
    "run_id": 1,
    "subject_id": "01",
    "task_id": "tom"
  },
  "dummy_trs": 0,
  "dvars_nstd": 31.724927958592605,
  "dvars_std": 1.0364736179259255,
  "dvars_vstd": 0.985626374,
  "efc": 0.5118256186411912,
  "fber": 983.4617309570312,
  "fd_mean": 0.09826929728725473,
  "fd_num": 4,
  "fd_perc": 2.9411764705882355,
  "fwhm_avg": 1.876772867218382,
  "fwhm_x": 1.7710833333333333,
  "fwhm_y": 2.0549633333333333,
  "fwhm_z": 1.80427193498848,
  "gcor": 0.00495488,
  "gsr_x": -0.014035389758646488,
  "gsr_y": 0.04041270166635513,
  "provenance": {
    "md5sum": "a2a17f0268f47b4e72d4c4feb976be75",
    "settings": {
      "fd_thres": 0.2,
      "testing": false
    },
    "software": "mriqc",
    "version": "23.1.0"
  },
  "size_t": 136,
  "size_x": 72,
  "size_y": 72,
  "size_z": 36,
  "snr": 4.795823815876033,
  "spacing_tr": 2.0,
  "spacing_x": 3.0,
  "spacing_y": 3.0,
  "spacing_z": 3.5399985313415527,
  "summary_bg_k": 24.604452418107645,
  "summary_bg_mad": 6.835232619473834,
  "summary_bg_mean": 54.58232472788374,
  "summary_bg_median": 27.191177368164062,
  "summary_bg_n": 148329.0,
  "summary_bg_p05": 21.544116973876953,
  "summary_bg_p95": 206.47793579101562,
  "summary_bg_stdv": 78.1225232809803,
  "summary_fg_k": 0.6764659871077527,
  "summary_fg_mad": 160.448073559645,
  "summary_fg_mean": 853.8761376850722,
  "summary_fg_median": 852.7205810546875,
  "summary_fg_n": 38295.0,
  "summary_fg_p05": 556.2573852539062,
  "summary_fg_p95": 1143.86767578125,
  "summary_fg_stdv": 177.80249653527048,
  "tsnr": 47.1095327034127
}