{
  "aor": 0.001428308823529412,
  "aqi": 0.008421170147058824,
  "bids_meta": {
    "AcquisitionMatrixPE": 72,
    "AcquisitionNumber": 1,
    "AcquisitionTime": "15:44:5.342500",
    "BandwidthPerPixelPhaseEncode": 53.419,
    "BaseResolution": 72,
    "CoilString": "T:HEA;HEP",
    "ConversionSoftware": "dcm2niix",
    "ConversionSoftwareVersion": "v1.0.20181125  Clang9.0.0",
    "DerivedVendorReportedEchoSpacing": 0.000519998,
    "DeviceSerialNumber": "35380",
    "DwellTime": 3e-06,
    "EchoTime": 0.03,
    "EffectiveEchoSpacing": 0.000259999,
    "FlipAngle": 90,
    "ImageOrientationPatientDICOM": [
      0.985036,
      0.168236,
      -0.037428,
      -0.16229,
      0.978513,
      0.127181
    ],
    "ImageType": [
      "ORIGINAL",
      "PRIMARY",
      "M",
      "ND",
      "MOSAIC"
    ],
    "ImagingFrequency": 123.264,
    "InPlanePhaseEncodingDirectionDICOM": "COL",
    "InstitutionAddress": "Oxford_52_Cambridge_MA_US_02138",
    "InstitutionName": "CBS_Neuroimaging",
    "InstitutionalDepartmentName": "Department",
    "MRAcquisitionType": "2D",
    "MagneticFieldStrength": 3,
    "Manufacturer": "Siemens",
    "ManufacturersModelName": "TrioTim",
    "Modality": "MR",
    "ParallelReductionFactorInPlane": 2,
    "PartialFourier": 1,
    "PatientPosition": "HFS",
    "PercentPhaseFOV": 100,
    "PhaseEncodingDirection": "j-",
    "PhaseEncodingSteps": 72,
    "PhaseResolution": 1,
    "PixelBandwidth": 2315,
    "ProcedureStepDescription": "Investigators_Young",
    "ProtocolName": "ToM",
    "PulseSequenceDetails": "%CustomerSeq%_Andre_ep2d_pace_MGH_xcalgo3",
    "ReceiveCoilName": "HeadMatrix",
    "ReconMatrixPE": 72,
    "RepetitionTime": 2,
    "SAR": 0.220352,
    "ScanOptions": "FS",
    "ScanningSequence": "EP",
    "SequenceName": "epfid2d1_72",
    "SequenceVariant": "SK",
    "SeriesDescription": "ToM",
    "SeriesNumber": 13,
    "ShimSetting": [
      -8507,
      9317,
      3160,
      764,
      -165,
      -112,
      173,
      -103
    ],
    "SliceThickness": 3,
    "SliceTiming": [
      0.9925,
      0,
      1.0475,
      0.055,
      1.105,
      0.11,
      1.16,
      0.165,
      1.215,
      0.22,
      1.27,
      0.275,
      1.325,
      0.33,
      1.38,
      0.385,
      1.435,
      0.4425,
      1.49,
      0.4975,
      1.545,
      0.5525,
      1.6,
      0.6075,
      1.655,
      0.6625,
      1.71,
      0.7175,
      1.7675,
      0.7725,
      1.8225,
      0.8275,
      1.8775,
      0.8825,
      1.9325,
      0.9375
    ],
    "SoftwareVersions": "syngo_MR_B17",
    "SpacingBetweenSlices": 3.54,
    "StationName": "MEDPC",
    "TaskName": "tom",
    "TotalReadoutTime": 0.0184599,
    "TxRefAmp": 339.633,
    "dataset": "ds001722",
    "modality": "bold",
    "run_id": 2,
    "subject_id": "01",
    "task_id": "tom"
  },
  "dummy_trs": 0,
  "dvars_nstd": 32.564859333703694,
  "dvars_std": 1.066276401777778,
  "dvars_vstd": 1.0081345962222221,
  "efc": 0.5122292819553814,
  "fber": 987.9678344726562,
  "fd_mean": 0.13431211200652168,
  "fd_num": 13,
  "fd_perc": 9.558823529411764,
  "fwhm_avg": 1.8739259178513705,
  "fwhm_x": 1.7716666666666667,
  "fwhm_y": 2.04739,
  "fwhm_z": 1.8027210868874444,
  "gcor": 0.00740768,
  "gsr_x": -0.014400244690477848,
  "gsr_y": 0.04134107381105423,
  "provenance": {
    "md5sum": "c9d5664219212728e14ba55252222a0a",
    "settings": {
      "fd_thres": 0.2,
      "testing": false
    },
    "software": "mriqc",
    "version": "23.1.0"
  },
  "size_t": 136,
  "size_x": 72,
  "size_y": 72,
  "size_z": 36,
  "snr": 4.788166118270786,
  "spacing_tr": 2.0,
  "spacing_x": 3.0,
  "spacing_y": 3.0,
  "spacing_z": 3.5399985313415527,
  "summary_bg_k": 24.853148498113892,
  "summary_bg_mad": 6.911541863374846,
  "summary_bg_mean": 55.033955849927935,
  "summary_bg_median": 27.176469802856445,
  "summary_bg_n": 148298.0,
  "summary_bg_p05": 21.34558868408203,
  "summary_bg_p95": 209.74264526367188,
  "summary_bg_stdv": 79.67344833207214,
  "summary_fg_k": 0.6903618580553599,
  "summary_fg_mad": 161.09675727567023,
  "summary_fg_mean": 855.4259808261702,
  "summary_fg_median": 854.2095642089844,
  "summary_fg_n": 38326.0,
  "summary_fg_p05": 556.2279663085938,
  "summary_fg_p95": 1146.0,
  "summary_fg_stdv": 178.3978247707503,
  "tsnr": 49.357468345435336
}