{
  "aor": 0.0013198484848484847,
  "aqi": 0.0017344454545454545,
  "bids_meta": {
    "AcquisitionMatrixPE": 72,
    "AcquisitionNumber": 1,
    "AcquisitionTime": "10:56:21.865000",
    "BandwidthPerPixelPhaseEncode": 50.505,
    "BaseResolution": 72,
    "BodyPartExamined": "BRAIN",
    "ConsistencyInfo": "N4_VD13D_LATEST_20130810",
    "ConversionSoftware": "dcm2niix",
    "ConversionSoftwareVersion": "v1.0.20181125  Clang9.0.0",
    "DerivedVendorReportedEchoSpacing": 0.000550001,
    "DeviceSerialNumber": "67056",
    "DwellTime": 3.2e-06,
    "EchoTime": 0.03,
    "EchoTrainLength": 35,
    "EffectiveEchoSpacing": 0.000275,
    "FlipAngle": 80,
    "ImageComments": "Reference_volume_for_motion_correction.",
    "ImageOrientationPatientDICOM": [
      0.998611,
      0.0389576,
      0.0354605,
      -0.0322215,
      0.984235,
      -0.173903
    ],
    "ImageType": [
      "ORIGINAL",
      "PRIMARY",
      "M",
      "ND",
      "MOCO",
      "MOSAIC"
    ],
    "ImagingFrequency": 123.253,
    "InPlanePhaseEncodingDirectionDICOM": "COL",
    "InstitutionAddress": "Oxford_52_Cambridge_MA_US_02138",
    "InstitutionName": "CBS_Neuroimaging",
    "InstitutionalDepartmentName": "Department",
    "MRAcquisitionType": "2D",
    "MagneticFieldStrength": 3,
    "Manufacturer": "Siemens",
    "ManufacturersModelName": "Prisma_fit",
    "Modality": "MR",
    "ParallelReductionFactorInPlane": 2,
    "PartialFourier": 1,
    "PatientPosition": "HFS",
    "PercentPhaseFOV": 100,
    "PhaseEncodingDirection": "j-",
    "PhaseEncodingSteps": 71,
    "PhaseResolution": 1,
    "PixelBandwidth": 2170,
    "ProcedureStepDescription": "Investigators_Young",
    "ProtocolName": "fMRI_PACE_3mm_36sl_TR2_p2_MoCo",
    "PulseSequenceDetails": "%SiemensSeq%_ep2d_pace",
    "ReceiveCoilActiveElements": "HEA;HEP",
    "ReceiveCoilName": "Head_32",
    "ReconMatrixPE": 72,
    "RepetitionTime": 2,
    "SAR": 0.0957511,
    "ScanOptions": "FS",
    "ScanningSequence": "EP",
    "SequenceName": "_epfid2d1_72",
    "SequenceVariant": "SK",
    "SeriesDescription": "MoCoSeries",
    "SeriesNumber": 9,
    "ShimSetting": [
      277,
      4505,
      6068,
      348,
      17,
      -13,
      -88,
      -8
    ],
    "SliceThickness": 3,
    "SliceTiming": [
      0.9925,
      0,
      1.0475,
      0.055,
      1.1025,
      0.11,
      1.1575,
      0.165,
      1.2125,
      0.22,
      1.27,
      0.275,
      1.325,
      0.33,
      1.38,
      0.385,
      1.435,
      0.44,
      1.49,
      0.495,
      1.545,
      0.55,
      1.6,
      0.6075,
      1.655,
      0.6625,
      1.71,
      0.7175,
      1.765,
      0.7725,
      1.82,
      0.8275,
      1.875,
      0.8825,
      1.9325,
      0.9375
    ],
    "SoftwareVersions": "syngo_MR_D13D",
    "SpacingBetweenSlices": 3.54,
    "StationName": "MEDPC",
    "TaskName": "tom",
    "TotalReadoutTime": 0.019525,
    "TxRefAmp": 255.887,
    "dataset": "ds001722",
    "modality": "bold",
    "run_id": 1,
    "subject_id": "08",
    "task_id": "tom"
  },
  "dummy_trs": 0,
  "dvars_nstd": 21.400871029160307,
  "dvars_std": 1.129011472366412,
  "dvars_vstd": 1.0089156918320614,
  "efc": 0.5272759262839186,
  "fber": 607.97509765625,
  "fd_mean": 0.05171118019631562,
  "fd_num": 0,
  "fd_perc": 0.0,
  "fwhm_avg": 2.85656326831705,
  "fwhm_x": 2.69284,
  "fwhm_y": 3.005663333333333,
  "fwhm_z": 2.8711864716178166,
  "gcor": 0.0143587,
  "gsr_x": 0.00012993195559829473,
  "gsr_y": 0.0646350234746933,
  "provenance": {
    "md5sum": "bd6fea7327f4f2571faa27cea9ff23eb",
    "settings": {
      "fd_thres": 0.2,
      "testing": false
    },
    "software": "mriqc",
    "version": "23.1.0"
  },
  "size_t": 132,
  "size_x": 72,
  "size_y": 72,
  "size_z": 36,
  "snr": 2.1620752502792793,
  "spacing_tr": 2.0,
  "spacing_x": 3.0,
  "spacing_y": 3.0,
  "spacing_z": 3.5399999618530273,
  "summary_bg_k": 30.142693480848713,
  "summary_bg_mad": 3.8637517931041607,
  "summary_bg_mean": 29.990874712275676,
  "summary_bg_median": 13.136363983154297,
  "summary_bg_n": 142552.0,
  "summary_bg_p05": 10.212121963500977,
  "summary_bg_p95": 115.37879180908203,
  "summary_bg_stdv": 46.29042055745958,
  "summary_fg_k": 1.34911228062278,
  "summary_fg_mad": 140.330553203921,
  "summary_fg_mean": 352.3149756487668,
  "summary_fg_median": 323.9053039550781,
  "summary_fg_n": 44072.0,
  "summary_fg_p05": 163.5681915283203,
  "summary_fg_p95": 636.1969604492188,
  "summary_fg_stdv": 149.8105254030803,
  "tsnr": 80.15670612046961
}