{
  "aor": 0.002100378787878788,
  "aqi": 0.0017745962424242424,
  "bids_meta": {
    "AcquisitionMatrixPE": 72,
    "AcquisitionNumber": 1,
    "AcquisitionTime": "11:01:43.530000",
    "BandwidthPerPixelPhaseEncode": 50.505,
    "BaseResolution": 72,
    "BodyPartExamined": "BRAIN",
    "ConsistencyInfo": "N4_VD13D_LATEST_20130810",
    "ConversionSoftware": "dcm2niix",
    "ConversionSoftwareVersion": "v1.0.20181125  Clang9.0.0",
    "DerivedVendorReportedEchoSpacing": 0.000550001,
    "DeviceSerialNumber": "67056",
    "DwellTime": 3.2e-06,
    "EchoTime": 0.03,
    "EchoTrainLength": 35,
    "EffectiveEchoSpacing": 0.000275,
    "FlipAngle": 80,
    "ImageComments": "Reference_volume_for_motion_correction.",
    "ImageOrientationPatientDICOM": [
      0.998611,
      0.0389576,
      0.0354605,
      -0.0322215,
      0.984235,
      -0.173903
    ],
    "ImageType": [
      "ORIGINAL",
      "PRIMARY",
      "M",
      "ND",
      "MOCO",
      "MOSAIC"
    ],
    "ImagingFrequency": 123.253,
    "InPlanePhaseEncodingDirectionDICOM": "COL",
    "InstitutionAddress": "Oxford_52_Cambridge_MA_US_02138",
    "InstitutionName": "CBS_Neuroimaging",
    "InstitutionalDepartmentName": "Department",
    "MRAcquisitionType": "2D",
    "MagneticFieldStrength": 3,
    "Manufacturer": "Siemens",
    "ManufacturersModelName": "Prisma_fit",
    "Modality": "MR",
    "ParallelReductionFactorInPlane": 2,
    "PartialFourier": 1,
    "PatientPosition": "HFS",
    "PercentPhaseFOV": 100,
    "PhaseEncodingDirection": "j-",
    "PhaseEncodingSteps": 71,
    "PhaseResolution": 1,
    "PixelBandwidth": 2170,
    "ProcedureStepDescription": "Investigators_Young",
    "ProtocolName": "fMRI_PACE_3mm_36sl_TR2_p2_MoCo",
    "PulseSequenceDetails": "%SiemensSeq%_ep2d_pace",
    "ReceiveCoilActiveElements": "HEA;HEP",
    "ReceiveCoilName": "Head_32",
    "ReconMatrixPE": 72,
    "RepetitionTime": 2,
    "SAR": 0.0957511,
    "ScanOptions": "FS",
    "ScanningSequence": "EP",
    "SequenceName": "_epfid2d1_72",
    "SequenceVariant": "SK",
    "SeriesDescription": "MoCoSeries",
    "SeriesNumber": 11,
    "ShimSetting": [
      277,
      4505,
      6068,
      348,
      17,
      -13,
      -88,
      -8
    ],
    "SliceThickness": 3,
    "SliceTiming": [
      0.9925,
      0,
      1.0475,
      0.055,
      1.1025,
      0.11,
      1.1575,
      0.165,
      1.2125,
      0.22,
      1.27,
      0.275,
      1.325,
      0.33,
      1.38,
      0.385,
      1.435,
      0.44,
      1.49,
      0.495,
      1.545,
      0.55,
      1.6,
      0.6075,
      1.655,
      0.6625,
      1.71,
      0.7175,
      1.765,
      0.7725,
      1.82,
      0.8275,
      1.875,
      0.8825,
      1.9325,
      0.9375
    ],
    "SoftwareVersions": "syngo_MR_D13D",
    "SpacingBetweenSlices": 3.54,
    "StationName": "MEDPC",
    "TaskName": "tom",
    "TotalReadoutTime": 0.019525,
    "TxRefAmp": 255.887,
    "dataset": "ds001722",
    "modality": "bold",
    "run_id": 2,
    "subject_id": "08",
    "task_id": "tom"
  },
  "dummy_trs": 0,
  "dvars_nstd": 20.518579526564885,
  "dvars_std": 1.1257229604580155,
  "dvars_vstd": 1.0179869712213736,
  "efc": 0.527696492330033,
  "fber": 611.8680419921875,
  "fd_mean": 0.047129325515473365,
  "fd_num": 1,
  "fd_perc": 0.7575757575757576,
  "fwhm_avg": 2.8469260366207947,
  "fwhm_x": 2.68009,
  "fwhm_y": 3.005603333333333,
  "fwhm_z": 2.855084776529051,
  "gcor": 0.0140774,
  "gsr_x": -0.0007605566061101854,
  "gsr_y": 0.06570205837488174,
  "provenance": {
    "md5sum": "7d9e9ba2a902302805111385d0ed2db2",
    "settings": {
      "fd_thres": 0.2,
      "testing": false
    },
    "software": "mriqc",
    "version": "23.1.0"
  },
  "size_t": 132,
  "size_x": 72,
  "size_y": 72,
  "size_z": 36,
  "snr": 2.1607077681076956,
  "spacing_tr": 2.0,
  "spacing_x": 3.0,
  "spacing_y": 3.0,
  "spacing_z": 3.5399999618530273,
  "summary_bg_k": 30.414270636056813,
  "summary_bg_mad": 3.9199112679699066,
  "summary_bg_mean": 30.378529951195674,
  "summary_bg_median": 13.227272987365723,
  "summary_bg_n": 142453.0,
  "summary_bg_p05": 10.25,
  "summary_bg_p95": 117.31060791015625,
  "summary_bg_stdv": 47.01731376132335,
  "summary_fg_k": 1.3716232694172907,
  "summary_fg_mad": 141.6671258002273,
  "summary_fg_mean": 355.89072299655095,
  "summary_fg_median": 327.18939208984375,
  "summary_fg_n": 44171.0,
  "summary_fg_p05": 165.4469757080078,
  "summary_fg_p95": 643.1515502929688,
  "summary_fg_stdv": 151.42523816996732,
  "tsnr": 76.90539319301024
}