{
  "aor": 0.0015343181818181818,
  "aqi": 0.0017634373333333335,
  "bids_meta": {
    "AcquisitionMatrixPE": 72,
    "AcquisitionNumber": 1,
    "AcquisitionTime": "14:25:24.147500",
    "BandwidthPerPixelPhaseEncode": 50.505,
    "BaseResolution": 72,
    "BodyPartExamined": "BRAIN",
    "ConsistencyInfo": "N4_VD13D_LATEST_20130810",
    "ConversionSoftware": "dcm2niix",
    "ConversionSoftwareVersion": "v1.0.20181125  Clang9.0.0",
    "DerivedVendorReportedEchoSpacing": 0.000550001,
    "DeviceSerialNumber": "67056",
    "DwellTime": 3.2e-06,
    "EchoTime": 0.03,
    "EchoTrainLength": 35,
    "EffectiveEchoSpacing": 0.000275,
    "FlipAngle": 80,
    "ImageComments": "Reference_volume_for_motion_correction.",
    "ImageOrientationPatientDICOM": [
      0.99687,
      0.0768761,
      -0.0184565,
      -0.0773423,
      0.996665,
      -0.0260345
    ],
    "ImageType": [
      "ORIGINAL",
      "PRIMARY",
      "M",
      "ND",
      "MOCO",
      "MOSAIC"
    ],
    "ImagingFrequency": 123.253,
    "InPlanePhaseEncodingDirectionDICOM": "COL",
    "InstitutionAddress": "Oxford_52_Cambridge_MA_US_02138",
    "InstitutionName": "CBS_Neuroimaging",
    "InstitutionalDepartmentName": "Department",
    "MRAcquisitionType": "2D",
    "MagneticFieldStrength": 3,
    "Manufacturer": "Siemens",
    "ManufacturersModelName": "Prisma_fit",
    "Modality": "MR",
    "ParallelReductionFactorInPlane": 2,
    "PartialFourier": 1,
    "PatientPosition": "HFS",
    "PercentPhaseFOV": 100,
    "PhaseEncodingDirection": "j-",
    "PhaseEncodingSteps": 71,
    "PhaseResolution": 1,
    "PixelBandwidth": 2170,
    "ProcedureStepDescription": "Investigators_Young",
    "ProtocolName": "fMRI_PACE_3mm_36sl_TR2_p2_MoCo",
    "PulseSequenceDetails": "%SiemensSeq%_ep2d_pace",
    "ReceiveCoilActiveElements": "HEA;HEP",
    "ReceiveCoilName": "Head_32",
    "ReconMatrixPE": 72,
    "RepetitionTime": 2,
    "SAR": 0.085638,
    "ScanOptions": "FS",
    "ScanningSequence": "EP",
    "SequenceName": "_epfid2d1_72",
    "SequenceVariant": "SK",
    "SeriesDescription": "MoCoSeries",
    "SeriesNumber": 13,
    "ShimSetting": [
      245,
      4461,
      6070,
      481,
      -28,
      6,
      21,
      -33
    ],
    "SliceThickness": 3,
    "SliceTiming": [
      0.9925,
      0,
      1.0475,
      0.055,
      1.1025,
      0.11,
      1.1575,
      0.165,
      1.2125,
      0.22,
      1.27,
      0.275,
      1.325,
      0.33,
      1.38,
      0.385,
      1.435,
      0.44,
      1.49,
      0.495,
      1.545,
      0.55,
      1.6,
      0.6075,
      1.655,
      0.6625,
      1.71,
      0.7175,
      1.765,
      0.7725,
      1.82,
      0.8275,
      1.875,
      0.8825,
      1.9325,
      0.9375
    ],
    "SoftwareVersions": "syngo_MR_D13D",
    "SpacingBetweenSlices": 3.54,
    "StationName": "MEDPC",
    "TaskName": "tom",
    "TotalReadoutTime": 0.019525,
    "TxRefAmp": 247.312,
    "dataset": "ds001722",
    "modality": "bold",
    "run_id": 1,
    "subject_id": "10",
    "task_id": "tom"
  },
  "dummy_trs": 0,
  "dvars_nstd": 18.033182362595426,
  "dvars_std": 1.1001165659541985,
  "dvars_vstd": 1.0080762740458014,
  "efc": 0.5237976886275136,
  "fber": 783.9326782226562,
  "fd_mean": 0.037544410147624045,
  "fd_num": 1,
  "fd_perc": 0.7575757575757576,
  "fwhm_avg": 2.7579980514715334,
  "fwhm_x": 2.6013466666666667,
  "fwhm_y": 2.877466666666667,
  "fwhm_z": 2.795180821081267,
  "gcor": 0.0153324,
  "gsr_x": -0.015921007841825485,
  "gsr_y": 0.045003339648246765,
  "provenance": {
    "md5sum": "05e825e99e61cb9c4ba067aa7d713b96",
    "settings": {
      "fd_thres": 0.2,
      "testing": false
    },
    "software": "mriqc",
    "version": "23.1.0"
  },
  "size_t": 132,
  "size_x": 72,
  "size_y": 72,
  "size_z": 36,
  "snr": 2.5280454594319886,
  "spacing_tr": 2.0,
  "spacing_x": 3.0,
  "spacing_y": 3.0,
  "spacing_z": 3.5399999618530273,
  "summary_bg_k": 24.89986123227503,
  "summary_bg_mad": 3.21230527806869,
  "summary_bg_mean": 26.05018937721314,
  "summary_bg_median": 12.62121295928955,
  "summary_bg_n": 141419.0,
  "summary_bg_p05": 10.166666984558105,
  "summary_bg_p95": 97.04545593261719,
  "summary_bg_stdv": 36.08698920208017,
  "summary_fg_k": 0.012607423425900155,
  "summary_fg_mad": 142.46459910962275,
  "summary_fg_mean": 374.9575395006691,
  "summary_fg_median": 353.3787841796875,
  "summary_fg_n": 45205.0,
  "summary_fg_p05": 185.6212158203125,
  "summary_fg_p95": 633.212158203125,
  "summary_fg_stdv": 139.78185171262376,
  "tsnr": 83.99476942140609
}