{
  "aor": 0.0015471212121212121,
  "aqi": 0.0021717166666666665,
  "bids_meta": {
    "AcquisitionMatrixPE": 72,
    "AcquisitionNumber": 1,
    "AcquisitionTime": "14:30:37.035000",
    "BandwidthPerPixelPhaseEncode": 50.505,
    "BaseResolution": 72,
    "BodyPartExamined": "BRAIN",
    "ConsistencyInfo": "N4_VD13D_LATEST_20130810",
    "ConversionSoftware": "dcm2niix",
    "ConversionSoftwareVersion": "v1.0.20181125  Clang9.0.0",
    "DerivedVendorReportedEchoSpacing": 0.000550001,
    "DeviceSerialNumber": "67056",
    "DwellTime": 3.2e-06,
    "EchoTime": 0.03,
    "EchoTrainLength": 35,
    "EffectiveEchoSpacing": 0.000275,
    "FlipAngle": 80,
    "ImageComments": "Reference_volume_for_motion_correction.",
    "ImageOrientationPatientDICOM": [
      0.99687,
      0.0768761,
      -0.0184565,
      -0.0773423,
      0.996665,
      -0.0260345
    ],
    "ImageType": [
      "ORIGINAL",
      "PRIMARY",
      "M",
      "ND",
      "MOCO",
      "MOSAIC"
    ],
    "ImagingFrequency": 123.253,
    "InPlanePhaseEncodingDirectionDICOM": "COL",
    "InstitutionAddress": "Oxford_52_Cambridge_MA_US_02138",
    "InstitutionName": "CBS_Neuroimaging",
    "InstitutionalDepartmentName": "Department",
    "MRAcquisitionType": "2D",
    "MagneticFieldStrength": 3,
    "Manufacturer": "Siemens",
    "ManufacturersModelName": "Prisma_fit",
    "Modality": "MR",
    "ParallelReductionFactorInPlane": 2,
    "PartialFourier": 1,
    "PatientPosition": "HFS",
    "PercentPhaseFOV": 100,
    "PhaseEncodingDirection": "j-",
    "PhaseEncodingSteps": 71,
    "PhaseResolution": 1,
    "PixelBandwidth": 2170,
    "ProcedureStepDescription": "Investigators_Young",
    "ProtocolName": "fMRI_PACE_3mm_36sl_TR2_p2_MoCo",
    "PulseSequenceDetails": "%SiemensSeq%_ep2d_pace",
    "ReceiveCoilActiveElements": "HEA;HEP",
    "ReceiveCoilName": "Head_32",
    "ReconMatrixPE": 72,
    "RepetitionTime": 2,
    "SAR": 0.085638,
    "ScanOptions": "FS",
    "ScanningSequence": "EP",
    "SequenceName": "_epfid2d1_72",
    "SequenceVariant": "SK",
    "SeriesDescription": "MoCoSeries",
    "SeriesNumber": 15,
    "ShimSetting": [
      245,
      4461,
      6070,
      481,
      -28,
      6,
      21,
      -33
    ],
    "SliceThickness": 3,
    "SliceTiming": [
      0.9925,
      0,
      1.0475,
      0.055,
      1.1025,
      0.11,
      1.1575,
      0.165,
      1.2125,
      0.22,
      1.27,
      0.275,
      1.325,
      0.33,
      1.38,
      0.385,
      1.435,
      0.44,
      1.49,
      0.495,
      1.545,
      0.55,
      1.6,
      0.6075,
      1.655,
      0.6625,
      1.71,
      0.7175,
      1.765,
      0.7725,
      1.82,
      0.8275,
      1.875,
      0.8825,
      1.9325,
      0.9375
    ],
    "SoftwareVersions": "syngo_MR_D13D",
    "SpacingBetweenSlices": 3.54,
    "StationName": "MEDPC",
    "TaskName": "tom",
    "TotalReadoutTime": 0.019525,
    "TxRefAmp": 247.312,
    "dataset": "ds001722",
    "modality": "bold",
    "run_id": 2,
    "subject_id": "10",
    "task_id": "tom"
  },
  "dummy_trs": 0,
  "dvars_nstd": 18.130080397709918,
  "dvars_std": 1.108488942748092,
  "dvars_vstd": 1.0127012548854963,
  "efc": 0.524222491997609,
  "fber": 781.9534301757812,
  "fd_mean": 0.039755872978156276,
  "fd_num": 0,
  "fd_perc": 0.0,
  "fwhm_avg": 2.757858804796425,
  "fwhm_x": 2.6024133333333332,
  "fwhm_y": 2.867846666666667,
  "fwhm_z": 2.8033164143892755,
  "gcor": 0.0208386,
  "gsr_x": -0.016583219170570374,
  "gsr_y": 0.04620244354009628,
  "provenance": {
    "md5sum": "ed05e144684cd5fd728ba97c6251619e",
    "settings": {
      "fd_thres": 0.2,
      "testing": false
    },
    "software": "mriqc",
    "version": "23.1.0"
  },
  "size_t": 132,
  "size_x": 72,
  "size_y": 72,
  "size_z": 36,
  "snr": 2.5303935022436166,
  "spacing_tr": 2.0,
  "spacing_x": 3.0,
  "spacing_y": 3.0,
  "spacing_z": 3.5399999618530273,
  "summary_bg_k": 26.032889186227337,
  "summary_bg_mad": 3.2460003974202745,
  "summary_bg_mean": 26.21570854877665,
  "summary_bg_median": 12.636363983154297,
  "summary_bg_n": 141431.0,
  "summary_bg_p05": 10.151515007019043,
  "summary_bg_p95": 97.92424774169922,
  "summary_bg_stdv": 36.628163135043984,
  "summary_fg_k": 0.018064094108064754,
  "summary_fg_mad": 142.50952782065107,
  "summary_fg_mean": 374.8260945737595,
  "summary_fg_median": 353.3560791015625,
  "summary_fg_n": 45193.0,
  "summary_fg_p05": 185.03030395507812,
  "summary_fg_p95": 631.8787841796875,
  "summary_fg_stdv": 139.64316986864128,
  "tsnr": 86.09376332000829
}