{
  "aor": 0.0014555303030303031,
  "aqi": 0.0019067349848484847,
  "bids_meta": {
    "AcquisitionMatrixPE": 72,
    "AcquisitionNumber": 1,
    "AcquisitionTime": "14:56:21.910000",
    "BandwidthPerPixelPhaseEncode": 50.505,
    "BaseResolution": 72,
    "BodyPartExamined": "BRAIN",
    "ConsistencyInfo": "N4_VD13D_LATEST_20130810",
    "ConversionSoftware": "dcm2niix",
    "ConversionSoftwareVersion": "v1.0.20181125  Clang9.0.0",
    "DerivedVendorReportedEchoSpacing": 0.000550001,
    "DeviceSerialNumber": "67056",
    "DwellTime": 3.2e-06,
    "EchoTime": 0.03,
    "EchoTrainLength": 35,
    "EffectiveEchoSpacing": 0.000275,
    "FlipAngle": 80,
    "ImageComments": "Reference_volume_for_motion_correction.",
    "ImageOrientationPatientDICOM": [
      0.996061,
      0.0885299,
      0.00503638,
      -0.0886551,
      0.993107,
      0.0766698
    ],
    "ImageType": [
      "ORIGINAL",
      "PRIMARY",
      "M",
      "ND",
      "MOCO",
      "MOSAIC"
    ],
    "ImagingFrequency": 123.253,
    "InPlanePhaseEncodingDirectionDICOM": "COL",
    "InstitutionAddress": "Oxford_52_Cambridge_MA_US_02138",
    "InstitutionName": "CBS_Neuroimaging",
    "InstitutionalDepartmentName": "Department",
    "MRAcquisitionType": "2D",
    "MagneticFieldStrength": 3,
    "Manufacturer": "Siemens",
    "ManufacturersModelName": "Prisma_fit",
    "Modality": "MR",
    "ParallelReductionFactorInPlane": 2,
    "PartialFourier": 1,
    "PatientPosition": "HFS",
    "PercentPhaseFOV": 100,
    "PhaseEncodingDirection": "j-",
    "PhaseEncodingSteps": 71,
    "PhaseResolution": 1,
    "PixelBandwidth": 2170,
    "ProcedureStepDescription": "Investigators_Young",
    "ProtocolName": "fMRI_PACE_3mm_36sl_TR2_p2_MoCo",
    "PulseSequenceDetails": "%SiemensSeq%_ep2d_pace",
    "ReceiveCoilActiveElements": "HEA;HEP",
    "ReceiveCoilName": "Head_32",
    "ReconMatrixPE": 72,
    "RepetitionTime": 2,
    "SAR": 0.0770661,
    "ScanOptions": "FS",
    "ScanningSequence": "EP",
    "SequenceName": "_epfid2d1_72",
    "SequenceVariant": "SK",
    "SeriesDescription": "MoCoSeries",
    "SeriesNumber": 11,
    "ShimSetting": [
      271,
      4462,
      6059,
      326,
      50,
      60,
      56,
      22
    ],
    "SliceThickness": 3,
    "SliceTiming": [
      0.9925,
      0,
      1.0475,
      0.055,
      1.1025,
      0.11,
      1.1575,
      0.165,
      1.2125,
      0.22,
      1.27,
      0.275,
      1.325,
      0.33,
      1.38,
      0.385,
      1.435,
      0.44,
      1.49,
      0.495,
      1.545,
      0.55,
      1.6,
      0.6075,
      1.655,
      0.6625,
      1.71,
      0.7175,
      1.765,
      0.7725,
      1.82,
      0.8275,
      1.875,
      0.8825,
      1.9325,
      0.9375
    ],
    "SoftwareVersions": "syngo_MR_D13D",
    "SpacingBetweenSlices": 3.54,
    "StationName": "MEDPC",
    "TaskName": "tom",
    "TotalReadoutTime": 0.019525,
    "TxRefAmp": 228.321,
    "dataset": "ds001722",
    "modality": "bold",
    "run_id": 2,
    "subject_id": "11",
    "task_id": "tom"
  },
  "dummy_trs": 0,
  "dvars_nstd": 20.78848100580151,
  "dvars_std": 1.1493363791603057,
  "dvars_vstd": 1.0155849711450384,
  "efc": 0.4875840278378803,
  "fber": 852.522216796875,
  "fd_mean": 0.04882795556294702,
  "fd_num": 0,
  "fd_perc": 0.0,
  "fwhm_avg": 2.7117798968517106,
  "fwhm_x": 2.55209,
  "fwhm_y": 2.8421366666666668,
  "fwhm_z": 2.7411130238884645,
  "gcor": 0.0200321,
  "gsr_x": 0.001251809298992157,
  "gsr_y": 0.02286582998931408,
  "provenance": {
    "md5sum": "c5a54de41cad803141b47188ad84fc42",
    "settings": {
      "fd_thres": 0.2,
      "testing": false
    },
    "software": "mriqc",
    "version": "23.1.0"
  },
  "size_t": 132,
  "size_x": 72,
  "size_y": 72,
  "size_z": 36,
  "snr": 2.657809598910493,
  "spacing_tr": 2.0,
  "spacing_x": 3.0,
  "spacing_y": 3.0,
  "spacing_z": 3.5399999618530273,
  "summary_bg_k": 32.43922079574484,
  "summary_bg_mad": 2.7293357737107984,
  "summary_bg_mean": 23.98604618228147,
  "summary_bg_median": 12.015151977539062,
  "summary_bg_n": 150125.0,
  "summary_bg_p05": 9.86363697052002,
  "summary_bg_p95": 88.00757598876953,
  "summary_bg_stdv": 35.912167381872884,
  "summary_fg_k": 0.3374256376269873,
  "summary_fg_mad": 126.09982512863299,
  "summary_fg_mean": 371.16075671448465,
  "summary_fg_median": 350.8182067871094,
  "summary_fg_n": 36499.0,
  "summary_fg_p05": 188.71969604492188,
  "summary_fg_p95": 620.0833740234375,
  "summary_fg_stdv": 131.99342836201336,
  "tsnr": 85.97222811216488
}