{
  "aor": 0.0014972727272727273,
  "aqi": 0.002545120984848485,
  "bids_meta": {
    "AcquisitionMatrixPE": 72,
    "AcquisitionNumber": 1,
    "AcquisitionTime": "12:25:32.067500",
    "BandwidthPerPixelPhaseEncode": 50.505,
    "BaseResolution": 72,
    "BodyPartExamined": "BRAIN",
    "ConsistencyInfo": "N4_VD13D_LATEST_20130810",
    "ConversionSoftware": "dcm2niix",
    "ConversionSoftwareVersion": "v1.0.20181125  Clang9.0.0",
    "DerivedVendorReportedEchoSpacing": 0.000550001,
    "DeviceSerialNumber": "67056",
    "DwellTime": 3.2e-06,
    "EchoTime": 0.03,
    "EchoTrainLength": 35,
    "EffectiveEchoSpacing": 0.000275,
    "FlipAngle": 80,
    "ImageComments": "Reference_volume_for_motion_correction.",
    "ImageOrientationPatientDICOM": [
      0.998299,
      -0.0581165,
      -0.00458963,
      0.0562507,
      0.980938,
      -0.185999
    ],
    "ImageType": [
      "ORIGINAL",
      "PRIMARY",
      "M",
      "ND",
      "MOCO",
      "MOSAIC"
    ],
    "ImagingFrequency": 123.253,
    "InPlanePhaseEncodingDirectionDICOM": "COL",
    "InstitutionAddress": "Oxford_52_Cambridge_MA_US_02138",
    "InstitutionName": "CBS_Neuroimaging",
    "InstitutionalDepartmentName": "Department",
    "MRAcquisitionType": "2D",
    "MagneticFieldStrength": 3,
    "Manufacturer": "Siemens",
    "ManufacturersModelName": "Prisma_fit",
    "Modality": "MR",
    "ParallelReductionFactorInPlane": 2,
    "PartialFourier": 1,
    "PatientPosition": "HFS",
    "PercentPhaseFOV": 100,
    "PhaseEncodingDirection": "j-",
    "PhaseEncodingSteps": 71,
    "PhaseResolution": 1,
    "PixelBandwidth": 2170,
    "ProcedureStepDescription": "Investigators_Young",
    "ProtocolName": "fMRI_PACE_3mm_36sl_TR2_p2_MoCo",
    "PulseSequenceDetails": "%SiemensSeq%_ep2d_pace",
    "ReceiveCoilActiveElements": "HEA;HEP",
    "ReceiveCoilName": "Head_32",
    "ReconMatrixPE": 72,
    "RepetitionTime": 2,
    "SAR": 0.0985748,
    "ScanOptions": "FS",
    "ScanningSequence": "EP",
    "SequenceName": "_epfid2d1_72",
    "SequenceVariant": "SK",
    "SeriesDescription": "MoCoSeries",
    "SeriesNumber": 9,
    "ShimSetting": [
      257,
      4486,
      6075,
      289,
      -13,
      72,
      23,
      -15
    ],
    "SliceThickness": 3,
    "SliceTiming": [
      0.9925,
      0,
      1.0475,
      0.055,
      1.1025,
      0.11,
      1.1575,
      0.165,
      1.2125,
      0.22,
      1.27,
      0.275,
      1.325,
      0.33,
      1.38,
      0.385,
      1.435,
      0.44,
      1.49,
      0.495,
      1.545,
      0.55,
      1.6,
      0.6075,
      1.655,
      0.6625,
      1.71,
      0.7175,
      1.765,
      0.7725,
      1.82,
      0.8275,
      1.875,
      0.8825,
      1.9325,
      0.9375
    ],
    "SoftwareVersions": "syngo_MR_D13D",
    "SpacingBetweenSlices": 3.54,
    "StationName": "MEDPC",
    "TaskName": "tom",
    "TotalReadoutTime": 0.019525,
    "TxRefAmp": 242.508,
    "dataset": "ds001722",
    "modality": "bold",
    "run_id": 1,
    "subject_id": "07",
    "task_id": "tom"
  },
  "dummy_trs": 0,
  "dvars_nstd": 23.975127446106857,
  "dvars_std": 1.1590679392366408,
  "dvars_vstd": 1.014190042824428,
  "efc": 0.508526093615985,
  "fber": 755.1463012695312,
  "fd_mean": 0.07266862484749413,
  "fd_num": 4,
  "fd_perc": 3.0303030303030303,
  "fwhm_avg": 2.559909481654955,
  "fwhm_x": 2.4327099999999997,
  "fwhm_y": 2.7520466666666668,
  "fwhm_z": 2.494971778298198,
  "gcor": 0.0287707,
  "gsr_x": -0.0019472760614007711,
  "gsr_y": 0.0392344668507576,
  "provenance": {
    "md5sum": "b96c36a9fde76a113b100527052aebc6",
    "settings": {
      "fd_thres": 0.2,
      "testing": false
    },
    "software": "mriqc",
    "version": "23.1.0"
  },
  "size_t": 132,
  "size_x": 72,
  "size_y": 72,
  "size_z": 36,
  "snr": 2.629241448158383,
  "spacing_tr": 2.0,
  "spacing_x": 3.0,
  "spacing_y": 3.0,
  "spacing_z": 3.5399999618530273,
  "summary_bg_k": 51.651349749071734,
  "summary_bg_mad": 3.189840922554529,
  "summary_bg_mean": 25.75451438699281,
  "summary_bg_median": 12.265151977539062,
  "summary_bg_n": 146892.0,
  "summary_bg_p05": 9.818181991577148,
  "summary_bg_p95": 96.85606384277344,
  "summary_bg_stdv": 39.59412795893001,
  "summary_fg_k": 0.3185651058248493,
  "summary_fg_mad": 128.18894232330643,
  "summary_fg_mean": 355.77314458444954,
  "summary_fg_median": 337.04547119140625,
  "summary_fg_n": 39732.0,
  "summary_fg_p05": 181.78030395507812,
  "summary_fg_p95": 591.9091186523438,
  "summary_fg_stdv": 128.1895315907352,
  "tsnr": 77.68322827853262
}