{
  "aor": 0.001441060606060606,
  "aqi": 0.002404511666666667,
  "bids_meta": {
    "AcquisitionMatrixPE": 72,
    "AcquisitionNumber": 1,
    "AcquisitionTime": "12:31:43.212500",
    "BandwidthPerPixelPhaseEncode": 50.505,
    "BaseResolution": 72,
    "BodyPartExamined": "BRAIN",
    "ConsistencyInfo": "N4_VD13D_LATEST_20130810",
    "ConversionSoftware": "dcm2niix",
    "ConversionSoftwareVersion": "v1.0.20181125  Clang9.0.0",
    "DerivedVendorReportedEchoSpacing": 0.000550001,
    "DeviceSerialNumber": "67056",
    "DwellTime": 3.2e-06,
    "EchoTime": 0.03,
    "EchoTrainLength": 35,
    "EffectiveEchoSpacing": 0.000275,
    "FlipAngle": 80,
    "ImageComments": "Reference_volume_for_motion_correction.",
    "ImageOrientationPatientDICOM": [
      0.998299,
      -0.0581165,
      -0.00458963,
      0.0562507,
      0.980938,
      -0.185999
    ],
    "ImageType": [
      "ORIGINAL",
      "PRIMARY",
      "M",
      "ND",
      "MOCO",
      "MOSAIC"
    ],
    "ImagingFrequency": 123.253,
    "InPlanePhaseEncodingDirectionDICOM": "COL",
    "InstitutionAddress": "Oxford_52_Cambridge_MA_US_02138",
    "InstitutionName": "CBS_Neuroimaging",
    "InstitutionalDepartmentName": "Department",
    "MRAcquisitionType": "2D",
    "MagneticFieldStrength": 3,
    "Manufacturer": "Siemens",
    "ManufacturersModelName": "Prisma_fit",
    "Modality": "MR",
    "ParallelReductionFactorInPlane": 2,
    "PartialFourier": 1,
    "PatientPosition": "HFS",
    "PercentPhaseFOV": 100,
    "PhaseEncodingDirection": "j-",
    "PhaseEncodingSteps": 71,
    "PhaseResolution": 1,
    "PixelBandwidth": 2170,
    "ProcedureStepDescription": "Investigators_Young",
    "ProtocolName": "fMRI_PACE_3mm_36sl_TR2_p2_MoCo",
    "PulseSequenceDetails": "%SiemensSeq%_ep2d_pace",
    "ReceiveCoilActiveElements": "HEA;HEP",
    "ReceiveCoilName": "Head_32",
    "ReconMatrixPE": 72,
    "RepetitionTime": 2,
    "SAR": 0.0985748,
    "ScanOptions": "FS",
    "ScanningSequence": "EP",
    "SequenceName": "_epfid2d1_72",
    "SequenceVariant": "SK",
    "SeriesDescription": "MoCoSeries",
    "SeriesNumber": 11,
    "ShimSetting": [
      257,
      4486,
      6075,
      289,
      -13,
      72,
      23,
      -15
    ],
    "SliceThickness": 3,
    "SliceTiming": [
      0.9925,
      0,
      1.0475,
      0.055,
      1.1025,
      0.11,
      1.1575,
      0.165,
      1.2125,
      0.22,
      1.27,
      0.275,
      1.325,
      0.33,
      1.38,
      0.385,
      1.435,
      0.44,
      1.49,
      0.495,
      1.545,
      0.55,
      1.6,
      0.6075,
      1.655,
      0.6625,
      1.71,
      0.7175,
      1.765,
      0.7725,
      1.82,
      0.8275,
      1.875,
      0.8825,
      1.9325,
      0.9375
    ],
    "SoftwareVersions": "syngo_MR_D13D",
    "SpacingBetweenSlices": 3.54,
    "StationName": "MEDPC",
    "TaskName": "tom",
    "TotalReadoutTime": 0.019525,
    "TxRefAmp": 242.508,
    "dataset": "ds001722",
    "modality": "bold",
    "run_id": 2,
    "subject_id": "07",
    "task_id": "tom"
  },
  "dummy_trs": 0,
  "dvars_nstd": 24.072818479465646,
  "dvars_std": 1.160896245343512,
  "dvars_vstd": 1.0114869911450382,
  "efc": 0.5084976895761123,
  "fber": 764.4629516601562,
  "fd_mean": 0.07542322657141183,
  "fd_num": 1,
  "fd_perc": 0.7575757575757576,
  "fwhm_avg": 2.5633831540257974,
  "fwhm_x": 2.4374366666666667,
  "fwhm_y": 2.7425800000000002,
  "fwhm_z": 2.5101327954107253,
  "gcor": 0.0151831,
  "gsr_x": -0.0034938424360007048,
  "gsr_y": 0.040959976613521576,
  "provenance": {
    "md5sum": "42b5308a46f12b04dbb264ebceb6bad1",
    "settings": {
      "fd_thres": 0.2,
      "testing": false
    },
    "software": "mriqc",
    "version": "23.1.0"
  },
  "size_t": 132,
  "size_x": 72,
  "size_y": 72,
  "size_z": 36,
  "snr": 2.6318767308888456,
  "spacing_tr": 2.0,
  "spacing_x": 3.0,
  "spacing_y": 3.0,
  "spacing_z": 3.5399999618530273,
  "summary_bg_k": 60.10681281976328,
  "summary_bg_mad": 3.2010731003116093,
  "summary_bg_mean": 26.191194228524022,
  "summary_bg_median": 12.310606002807617,
  "summary_bg_n": 146938.0,
  "summary_bg_p05": 9.810606002807617,
  "summary_bg_p95": 98.68182373046875,
  "summary_bg_stdv": 41.11202886247232,
  "summary_fg_k": 0.3148430523373458,
  "summary_fg_mad": 128.85159556554515,
  "summary_fg_mean": 359.59948131162565,
  "summary_fg_median": 340.375,
  "summary_fg_n": 39686.0,
  "summary_fg_p05": 183.9166717529297,
  "summary_fg_p95": 597.9393920898438,
  "summary_fg_stdv": 129.32623615201712,
  "tsnr": 80.2877974055009
}