{
  "aor": 0.0011923809523809524,
  "aqi": 0.001955082,
  "bids_meta": {
    "AcquisitionMatrixPE": 72,
    "AcquisitionNumber": 2,
    "AcquisitionTime": "16:56:26.592500",
    "BandwidthPerPixelPhaseEncode": 52.411,
    "BaseResolution": 72,
    "CoilString": "C:HEA;HEP",
    "ConversionSoftware": "dcm2niix",
    "ConversionSoftwareVersion": "v1.0.20181125  Clang9.0.0",
    "DerivedVendorReportedEchoSpacing": 0.000529999,
    "DeviceSerialNumber": "35380",
    "DwellTime": 3.1e-06,
    "EchoTime": 0.025,
    "EffectiveEchoSpacing": 0.000265,
    "FlipAngle": 85,
    "ImageOrientationPatientDICOM": [
      0.999994,
      0.00349065,
      2.40957e-09,
      -0.00242481,
      0.694654,
      -0.71934
    ],
    "ImageType": [
      "ORIGINAL",
      "PRIMARY",
      "M",
      "EPIDIS2D",
      "MOSAIC"
    ],
    "ImagingFrequency": 123.264,
    "InPlanePhaseEncodingDirectionDICOM": "ROW",
    "InstitutionAddress": "Oxford_52_Cambridge_MA_US_02138",
    "InstitutionName": "CBS_Neuroimaging",
    "InstitutionalDepartmentName": "Department",
    "MRAcquisitionType": "2D",
    "MagneticFieldStrength": 3,
    "Manufacturer": "Siemens",
    "ManufacturersModelName": "TrioTim",
    "Modality": "MR",
    "ParallelReductionFactorInPlane": 2,
    "PartialFourier": 1,
    "PatientPosition": "HFS",
    "PercentPhaseFOV": 100,
    "PhaseEncodingDirection": "i",
    "PhaseEncodingSteps": 71,
    "PhaseResolution": 1,
    "PixelBandwidth": 2240,
    "ProcedureStepDescription": "Investigators_Young",
    "ProtocolName": "PACExc3_Cor_DC_tom_localizer_p2",
    "PulseSequenceDetails": "%CustomerSeq%_Andre_ep2d_pace_MGH_xcalgo3",
    "ReceiveCoilName": "32Ch_Head",
    "ReconMatrixPE": 72,
    "RepetitionTime": 2.5,
    "SAR": 0.156852,
    "ScanOptions": "FS",
    "ScanningSequence": "EP",
    "SequenceName": "epfid2d1_72",
    "SequenceVariant": "SK",
    "SeriesDescription": "PACExc3_Cor_DC_tom_localizer_p2_unwarped",
    "SeriesNumber": 76,
    "ShimSetting": [
      -8470,
      9330,
      3020,
      448,
      16,
      338,
      -279,
      -44
    ],
    "SliceThickness": 3,
    "SliceTiming": [
      0,
      1.27,
      0.05,
      1.32,
      0.1,
      1.37,
      0.1525,
      1.4225,
      0.2025,
      1.4725,
      0.2525,
      1.5225,
      0.305,
      1.575,
      0.355,
      1.625,
      0.405,
      1.675,
      0.4575,
      1.7275,
      0.5075,
      1.7775,
      0.5575,
      1.8275,
      0.61,
      1.88,
      0.66,
      1.93,
      0.71,
      1.98,
      0.7625,
      2.0325,
      0.8125,
      2.0825,
      0.8625,
      2.1325,
      0.915,
      2.185,
      0.965,
      2.235,
      1.015,
      2.285,
      1.065,
      2.3375,
      1.1175,
      2.3875,
      1.1675,
      2.4375,
      1.2175
    ],
    "SoftwareVersions": "syngo_MR_B17",
    "SpacingBetweenSlices": 3,
    "StationName": "MEDPC",
    "TaskName": "tom",
    "TotalReadoutTime": 0.018815,
    "TxRefAmp": 305.871,
    "dataset": "ds001722",
    "modality": "bold",
    "run_id": 2,
    "subject_id": "03",
    "task_id": "tom"
  },
  "dummy_trs": 0,
  "dvars_nstd": 19.29446197528846,
  "dvars_std": 1.123499645961539,
  "dvars_vstd": 1.0127564795192308,
  "efc": 0.4642971701661942,
  "fber": 1262.3603515625,
  "fd_mean": 0.10131122463628338,
  "fd_num": 3,
  "fd_perc": 2.857142857142857,
  "fwhm_avg": 2.4050702073712316,
  "fwhm_x": 2.27062,
  "fwhm_y": 2.3352566666666665,
  "fwhm_z": 2.6093339554470276,
  "gcor": 0.0201752,
  "gsr_x": 0.008213387802243233,
  "gsr_y": 0.016637537628412247,
  "provenance": {
    "md5sum": "5319af25a032234ef0b91d63bb629c23",
    "settings": {
      "fd_thres": 0.2,
      "testing": false
    },
    "software": "mriqc",
    "version": "23.1.0"
  },
  "size_t": 105,
  "size_x": 72,
  "size_y": 72,
  "size_z": 49,
  "snr": 2.999881247864057,
  "spacing_tr": 2.5,
  "spacing_x": 3.0,
  "spacing_y": 3.0,
  "spacing_z": 2.9999992847442627,
  "summary_bg_k": 35.70399731823453,
  "summary_bg_mad": 5.9162908862449095,
  "summary_bg_mean": 38.58435101874349,
  "summary_bg_median": 17.790477752685547,
  "summary_bg_n": 210346.0,
  "summary_bg_p05": 12.809524536132812,
  "summary_bg_p95": 155.3142852783203,
  "summary_bg_stdv": 60.81923940278599,
  "summary_fg_k": 0.7074933461759199,
  "summary_fg_mad": 190.67674830004955,
  "summary_fg_mean": 668.3884806965591,
  "summary_fg_median": 632.0905151367188,
  "summary_fg_n": 43670.0,
  "summary_fg_p05": 378.8476257324219,
  "summary_fg_p95": 1066.4095458984375,
  "summary_fg_stdv": 210.70276645788383,
  "tsnr": 90.67375428392552
}