{
  "aor": 0.0013470229007633589,
  "aqi": 0.0015078513740458014,
  "bids_meta": {
    "AcquisitionMatrixPE": 72,
    "AcquisitionNumber": 1,
    "AcquisitionTime": "10:24:3.632500",
    "BandwidthPerPixelPhaseEncode": 50.505,
    "BaseResolution": 72,
    "BodyPartExamined": "BRAIN",
    "ConsistencyInfo": "N4_VD13D_LATEST_20130810",
    "ConversionSoftware": "dcm2niix",
    "ConversionSoftwareVersion": "v1.0.20181125  Clang9.0.0",
    "DerivedVendorReportedEchoSpacing": 0.000550001,
    "DeviceSerialNumber": "67056",
    "DwellTime": 3.2e-06,
    "EchoTime": 0.03,
    "EchoTrainLength": 35,
    "EffectiveEchoSpacing": 0.000275,
    "FlipAngle": 80,
    "ImageComments": "Reference_volume_for_motion_correction.",
    "ImageOrientationPatientDICOM": [
      0.999949,
      -0.00858305,
      -0.00534704,
      0.00940294,
      0.983742,
      0.179342
    ],
    "ImageType": [
      "ORIGINAL",
      "PRIMARY",
      "M",
      "ND",
      "MOCO",
      "MOSAIC"
    ],
    "ImagingFrequency": 123.254,
    "InPlanePhaseEncodingDirectionDICOM": "COL",
    "InstitutionAddress": "Oxford_52_Cambridge_MA_US_02138",
    "InstitutionName": "CBS_Neuroimaging",
    "InstitutionalDepartmentName": "Department",
    "MRAcquisitionType": "2D",
    "MagneticFieldStrength": 3,
    "Manufacturer": "Siemens",
    "ManufacturersModelName": "Prisma_fit",
    "Modality": "MR",
    "ParallelReductionFactorInPlane": 2,
    "PartialFourier": 1,
    "PatientPosition": "HFS",
    "PercentPhaseFOV": 100,
    "PhaseEncodingDirection": "j-",
    "PhaseEncodingSteps": 71,
    "PhaseResolution": 1,
    "PixelBandwidth": 2170,
    "ProcedureStepDescription": "Investigators_Young",
    "ProtocolName": "fMRI_PACE_3mm_36sl_TR2_p2_MoCo",
    "PulseSequenceDetails": "%SiemensSeq%_ep2d_pace",
    "ReceiveCoilActiveElements": "HEA;HEP",
    "ReceiveCoilName": "Head_32",
    "ReconMatrixPE": 72,
    "RepetitionTime": 2,
    "SAR": 0.08383,
    "ScanOptions": "FS",
    "ScanningSequence": "EP",
    "SequenceName": "_epfid2d1_72",
    "SequenceVariant": "SK",
    "SeriesDescription": "MoCoSeries",
    "SeriesNumber": 9,
    "ShimSetting": [
      224,
      4870,
      5686,
      309,
      -148,
      899,
      -170,
      -70
    ],
    "SliceThickness": 3,
    "SliceTiming": [
      0.9925,
      0,
      1.0475,
      0.055,
      1.1025,
      0.11,
      1.1575,
      0.165,
      1.2125,
      0.22,
      1.27,
      0.275,
      1.325,
      0.33,
      1.38,
      0.385,
      1.435,
      0.44,
      1.49,
      0.495,
      1.545,
      0.55,
      1.6,
      0.6075,
      1.655,
      0.6625,
      1.71,
      0.7175,
      1.765,
      0.7725,
      1.82,
      0.8275,
      1.875,
      0.8825,
      1.9325,
      0.9375
    ],
    "SoftwareVersions": "syngo_MR_D13D",
    "SpacingBetweenSlices": 3.54,
    "StationName": "MEDPC",
    "TaskName": "tom",
    "TotalReadoutTime": 0.019525,
    "TxRefAmp": 237.347,
    "dataset": "ds001722",
    "modality": "bold",
    "run_id": 1,
    "subject_id": "12",
    "task_id": "tom"
  },
  "dummy_trs": 1,
  "dvars_nstd": 21.305866901923068,
  "dvars_std": 1.1327812549230767,
  "dvars_vstd": 1.0151612674615382,
  "efc": 0.4957876267570988,
  "fber": 652.3838500976562,
  "fd_mean": 0.04746158278329664,
  "fd_num": 1,
  "fd_perc": 0.7633587786259542,
  "fwhm_avg": 2.972061234563744,
  "fwhm_x": 2.7793766666666664,
  "fwhm_y": 3.2252533333333333,
  "fwhm_z": 2.9115537036912316,
  "gcor": 0.0166743,
  "gsr_x": -0.013873976655304432,
  "gsr_y": 0.03856759890913963,
  "provenance": {
    "md5sum": "deb9b1a8f379dd19f506ef5724f66c63",
    "settings": {
      "fd_thres": 0.2,
      "testing": false
    },
    "software": "mriqc",
    "version": "23.1.0"
  },
  "size_t": 131,
  "size_x": 72,
  "size_y": 72,
  "size_z": 36,
  "snr": 2.256842084517831,
  "spacing_tr": 2.0,
  "spacing_x": 3.0,
  "spacing_y": 3.0,
  "spacing_z": 3.5399999618530273,
  "summary_bg_k": 25.223424055380555,
  "summary_bg_mad": 4.583617880353269,
  "summary_bg_mean": 26.70075959587833,
  "summary_bg_median": 13.694656372070312,
  "summary_bg_n": 148715.0,
  "summary_bg_p05": 10.267175674438477,
  "summary_bg_p95": 94.43511199951172,
  "summary_bg_stdv": 35.09405888622123,
  "summary_fg_k": 0.8567539359719674,
  "summary_fg_mad": 144.66121944367512,
  "summary_fg_mean": 380.87411127686926,
  "summary_fg_median": 349.7862548828125,
  "summary_fg_n": 37909.0,
  "summary_fg_p05": 181.83206176757812,
  "summary_fg_p95": 677.9007568359375,
  "summary_fg_stdv": 154.9872025841274,
  "tsnr": 75.5114439104218
}