{
  "aor": 0.0012509923664122138,
  "aqi": 0.001307372564885496,
  "bids_meta": {
    "AcquisitionMatrixPE": 72,
    "AcquisitionNumber": 1,
    "AcquisitionTime": "10:29:10.170000",
    "BandwidthPerPixelPhaseEncode": 50.505,
    "BaseResolution": 72,
    "BodyPartExamined": "BRAIN",
    "ConsistencyInfo": "N4_VD13D_LATEST_20130810",
    "ConversionSoftware": "dcm2niix",
    "ConversionSoftwareVersion": "v1.0.20181125  Clang9.0.0",
    "DerivedVendorReportedEchoSpacing": 0.000550001,
    "DeviceSerialNumber": "67056",
    "DwellTime": 3.2e-06,
    "EchoTime": 0.03,
    "EchoTrainLength": 35,
    "EffectiveEchoSpacing": 0.000275,
    "FlipAngle": 80,
    "ImageComments": "Reference_volume_for_motion_correction.",
    "ImageOrientationPatientDICOM": [
      0.999949,
      -0.00858305,
      -0.00534704,
      0.00940294,
      0.983742,
      0.179342
    ],
    "ImageType": [
      "ORIGINAL",
      "PRIMARY",
      "M",
      "ND",
      "MOCO",
      "MOSAIC"
    ],
    "ImagingFrequency": 123.254,
    "InPlanePhaseEncodingDirectionDICOM": "COL",
    "InstitutionAddress": "Oxford_52_Cambridge_MA_US_02138",
    "InstitutionName": "CBS_Neuroimaging",
    "InstitutionalDepartmentName": "Department",
    "MRAcquisitionType": "2D",
    "MagneticFieldStrength": 3,
    "Manufacturer": "Siemens",
    "ManufacturersModelName": "Prisma_fit",
    "Modality": "MR",
    "ParallelReductionFactorInPlane": 2,
    "PartialFourier": 1,
    "PatientPosition": "HFS",
    "PercentPhaseFOV": 100,
    "PhaseEncodingDirection": "j-",
    "PhaseEncodingSteps": 71,
    "PhaseResolution": 1,
    "PixelBandwidth": 2170,
    "ProcedureStepDescription": "Investigators_Young",
    "ProtocolName": "fMRI_PACE_3mm_36sl_TR2_p2_MoCo",
    "PulseSequenceDetails": "%SiemensSeq%_ep2d_pace",
    "ReceiveCoilActiveElements": "HEA;HEP",
    "ReceiveCoilName": "Head_32",
    "ReconMatrixPE": 72,
    "RepetitionTime": 2,
    "SAR": 0.08383,
    "ScanOptions": "FS",
    "ScanningSequence": "EP",
    "SequenceName": "_epfid2d1_72",
    "SequenceVariant": "SK",
    "SeriesDescription": "MoCoSeries",
    "SeriesNumber": 11,
    "ShimSetting": [
      224,
      4870,
      5686,
      309,
      -148,
      899,
      -170,
      -70
    ],
    "SliceThickness": 3,
    "SliceTiming": [
      0.9925,
      0,
      1.0475,
      0.055,
      1.1025,
      0.11,
      1.1575,
      0.165,
      1.2125,
      0.22,
      1.27,
      0.275,
      1.325,
      0.33,
      1.38,
      0.385,
      1.435,
      0.44,
      1.49,
      0.495,
      1.545,
      0.55,
      1.6,
      0.6075,
      1.655,
      0.6625,
      1.71,
      0.7175,
      1.765,
      0.7725,
      1.82,
      0.8275,
      1.875,
      0.8825,
      1.9325,
      0.9375
    ],
    "SoftwareVersions": "syngo_MR_D13D",
    "SpacingBetweenSlices": 3.54,
    "StationName": "MEDPC",
    "TaskName": "tom",
    "TotalReadoutTime": 0.019525,
    "TxRefAmp": 237.347,
    "dataset": "ds001722",
    "modality": "bold",
    "run_id": 2,
    "subject_id": "12",
    "task_id": "tom"
  },
  "dummy_trs": 1,
  "dvars_nstd": 20.844764885076927,
  "dvars_std": 1.1258933039230774,
  "dvars_vstd": 1.0173902549999998,
  "efc": 0.49580699738101197,
  "fber": 647.4135131835938,
  "fd_mean": 0.04521737974776054,
  "fd_num": 0,
  "fd_perc": 0.0,
  "fwhm_avg": 2.977629520790325,
  "fwhm_x": 2.7866700000000004,
  "fwhm_y": 3.24184,
  "fwhm_z": 2.904378562370974,
  "gcor": 0.00728143,
  "gsr_x": -0.0138457166031003,
  "gsr_y": 0.039433546364307404,
  "provenance": {
    "md5sum": "36e4442d6aa4c81075a08cb4e0e7e895",
    "settings": {
      "fd_thres": 0.2,
      "testing": false
    },
    "software": "mriqc",
    "version": "23.1.0"
  },
  "size_t": 131,
  "size_x": 72,
  "size_y": 72,
  "size_z": 36,
  "snr": 2.238479351224658,
  "spacing_tr": 2.0,
  "spacing_x": 3.0,
  "spacing_y": 3.0,
  "spacing_z": 3.5399999618530273,
  "summary_bg_k": 25.190320298105075,
  "summary_bg_mad": 4.640205772875157,
  "summary_bg_mean": 26.83903215262249,
  "summary_bg_median": 13.778626441955566,
  "summary_bg_n": 148641.0,
  "summary_bg_p05": 10.312976837158203,
  "summary_bg_p95": 95.05343627929688,
  "summary_bg_stdv": 35.27808748776673,
  "summary_fg_k": 0.860888242393445,
  "summary_fg_mad": 145.90619266890707,
  "summary_fg_mean": 381.4411656952386,
  "summary_fg_median": 350.5877990722656,
  "summary_fg_n": 37983.0,
  "summary_fg_p05": 180.5801544189453,
  "summary_fg_p95": 681.343505859375,
  "summary_fg_stdv": 156.61667095034775,
  "tsnr": 79.873220494017
}