{
  "aor": 0.0007435294117647059,
  "aqi": 0.006318880000000001,
  "bids_meta": {
    "AcquisitionMatrixPE": 72,
    "AcquisitionNumber": 1,
    "AcquisitionTime": "16:14:55.420000",
    "BandwidthPerPixelPhaseEncode": 53.419,
    "BaseResolution": 72,
    "CoilString": "T:HEA;HEP",
    "ConversionSoftware": "dcm2niix",
    "ConversionSoftwareVersion": "v1.0.20181125  Clang9.0.0",
    "DerivedVendorReportedEchoSpacing": 0.000519998,
    "DeviceSerialNumber": "35380",
    "DwellTime": 3e-06,
    "EchoTime": 0.03,
    "EffectiveEchoSpacing": 0.000259999,
    "FlipAngle": 90,
    "ImageOrientationPatientDICOM": [
      0.998195,
      -0.0237803,
      0.0551429,
      0.0268924,
      0.998046,
      -0.0564001
    ],
    "ImageType": [
      "ORIGINAL",
      "PRIMARY",
      "M",
      "ND",
      "MOSAIC"
    ],
    "ImagingFrequency": 123.264,
    "InPlanePhaseEncodingDirectionDICOM": "COL",
    "InstitutionAddress": "Oxford_52_Cambridge_MA_US_02138",
    "InstitutionName": "CBS_Neuroimaging",
    "InstitutionalDepartmentName": "Department",
    "MRAcquisitionType": "2D",
    "MagneticFieldStrength": 3,
    "Manufacturer": "Siemens",
    "ManufacturersModelName": "TrioTim",
    "Modality": "MR",
    "ParallelReductionFactorInPlane": 2,
    "PartialFourier": 1,
    "PatientPosition": "HFS",
    "PercentPhaseFOV": 100,
    "PhaseEncodingDirection": "j-",
    "PhaseEncodingSteps": 72,
    "PhaseResolution": 1,
    "PixelBandwidth": 2315,
    "ProcedureStepDescription": "Investigators_Young",
    "ProtocolName": "ToM",
    "PulseSequenceDetails": "%CustomerSeq%_Andre_ep2d_pace_MGH_xcalgo2",
    "ReceiveCoilName": "HeadMatrix",
    "ReconMatrixPE": 72,
    "RepetitionTime": 2,
    "SAR": 0.152414,
    "ScanOptions": "FS",
    "ScanningSequence": "EP",
    "SequenceName": "epfid2d1_72",
    "SequenceVariant": "SK",
    "SeriesDescription": "ToM",
    "SeriesNumber": 11,
    "ShimSetting": [
      -8336,
      9773,
      2674,
      727,
      -107,
      443,
      -180,
      -41
    ],
    "SliceThickness": 3,
    "SliceTiming": [
      0.995,
      0,
      1.05,
      0.055,
      1.105,
      0.11,
      1.16,
      0.165,
      1.215,
      0.22,
      1.27,
      0.2775,
      1.325,
      0.3325,
      1.38,
      0.3875,
      1.435,
      0.4425,
      1.49,
      0.4975,
      1.545,
      0.5525,
      1.6025,
      0.6075,
      1.6575,
      0.6625,
      1.7125,
      0.7175,
      1.7675,
      0.7725,
      1.8225,
      0.8275,
      1.8775,
      0.8825,
      1.9325,
      0.94
    ],
    "SoftwareVersions": "syngo_MR_B17",
    "SpacingBetweenSlices": 3.54,
    "StationName": "MEDPC",
    "TaskName": "tom",
    "TotalReadoutTime": 0.0184599,
    "TxRefAmp": 442.127,
    "dataset": "ds001722",
    "modality": "bold",
    "run_id": 2,
    "subject_id": "05",
    "task_id": "tom"
  },
  "dummy_trs": 0,
  "dvars_nstd": 28.553692782666666,
  "dvars_std": 1.0648884567407406,
  "dvars_vstd": 1.0027470541481482,
  "efc": 0.5389507782595736,
  "fber": 846.1852416992188,
  "fd_mean": 0.13424121398526856,
  "fd_num": 16,
  "fd_perc": 11.764705882352942,
  "fwhm_avg": 1.8854470112281048,
  "fwhm_x": 1.79762,
  "fwhm_y": 2.0222966666666666,
  "fwhm_z": 1.8364243670176472,
  "gcor": 0.0170128,
  "gsr_x": -0.00322909839451313,
  "gsr_y": 0.05345439538359642,
  "provenance": {
    "md5sum": "4ebdc2b3a1ea36e71edeb16d641064d5",
    "settings": {
      "fd_thres": 0.2,
      "testing": false
    },
    "software": "mriqc",
    "version": "23.1.0"
  },
  "size_t": 136,
  "size_x": 72,
  "size_y": 72,
  "size_z": 36,
  "snr": 4.287662777754281,
  "spacing_tr": 2.0,
  "spacing_x": 3.0,
  "spacing_y": 3.0,
  "spacing_z": 3.539998769760132,
  "summary_bg_k": 37.9018568735233,
  "summary_bg_mad": 9.059133119392923,
  "summary_bg_mean": 59.025673498981355,
  "summary_bg_median": 27.801469802856445,
  "summary_bg_n": 142808.0,
  "summary_bg_p05": 20.09558868408203,
  "summary_bg_p95": 234.0735321044922,
  "summary_bg_stdv": 89.22872019603992,
  "summary_fg_k": 1.2590750089918226,
  "summary_fg_mad": 157.8916615739338,
  "summary_fg_mean": 826.9924254312075,
  "summary_fg_median": 808.7242736816406,
  "summary_fg_n": 43816.0,
  "summary_fg_p05": 536.4852905273438,
  "summary_fg_p95": 1159.36767578125,
  "summary_fg_stdv": 188.614423966312,
  "tsnr": 54.02083492744714
}