{
  "aor": 0.0007122058823529412,
  "aqi": 0.007582210367647059,
  "bids_meta": {
    "AcquisitionMatrixPE": 72,
    "AcquisitionNumber": 1,
    "AcquisitionTime": "16:09:38.530000",
    "BandwidthPerPixelPhaseEncode": 53.419,
    "BaseResolution": 72,
    "CoilString": "T:HEA;HEP",
    "ConversionSoftware": "dcm2niix",
    "ConversionSoftwareVersion": "v1.0.20181125  Clang9.0.0",
    "DerivedVendorReportedEchoSpacing": 0.000519998,
    "DeviceSerialNumber": "35380",
    "DwellTime": 3e-06,
    "EchoTime": 0.03,
    "EffectiveEchoSpacing": 0.000259999,
    "FlipAngle": 90,
    "ImageOrientationPatientDICOM": [
      0.998195,
      -0.0237803,
      0.0551429,
      0.0268924,
      0.998046,
      -0.0564001
    ],
    "ImageType": [
      "ORIGINAL",
      "PRIMARY",
      "M",
      "ND",
      "MOSAIC"
    ],
    "ImagingFrequency": 123.264,
    "InPlanePhaseEncodingDirectionDICOM": "COL",
    "InstitutionAddress": "Oxford_52_Cambridge_MA_US_02138",
    "InstitutionName": "CBS_Neuroimaging",
    "InstitutionalDepartmentName": "Department",
    "MRAcquisitionType": "2D",
    "MagneticFieldStrength": 3,
    "Manufacturer": "Siemens",
    "ManufacturersModelName": "TrioTim",
    "Modality": "MR",
    "ParallelReductionFactorInPlane": 2,
    "PartialFourier": 1,
    "PatientPosition": "HFS",
    "PercentPhaseFOV": 100,
    "PhaseEncodingDirection": "j-",
    "PhaseEncodingSteps": 72,
    "PhaseResolution": 1,
    "PixelBandwidth": 2315,
    "ProcedureStepDescription": "Investigators_Young",
    "ProtocolName": "ToM",
    "PulseSequenceDetails": "%CustomerSeq%_Andre_ep2d_pace_MGH_xcalgo2",
    "ReceiveCoilName": "HeadMatrix",
    "ReconMatrixPE": 72,
    "RepetitionTime": 2,
    "SAR": 0.152414,
    "ScanOptions": "FS",
    "ScanningSequence": "EP",
    "SequenceName": "epfid2d1_72",
    "SequenceVariant": "SK",
    "SeriesDescription": "ToM",
    "SeriesNumber": 9,
    "ShimSetting": [
      -8336,
      9773,
      2674,
      727,
      -107,
      443,
      -180,
      -41
    ],
    "SliceThickness": 3,
    "SliceTiming": [
      0.9925,
      0,
      1.05,
      0.055,
      1.105,
      0.11,
      1.16,
      0.165,
      1.215,
      0.22,
      1.27,
      0.275,
      1.325,
      0.33,
      1.38,
      0.3875,
      1.435,
      0.4425,
      1.49,
      0.4975,
      1.545,
      0.5525,
      1.6,
      0.6075,
      1.655,
      0.6625,
      1.7125,
      0.7175,
      1.7675,
      0.7725,
      1.8225,
      0.8275,
      1.8775,
      0.8825,
      1.9325,
      0.9375
    ],
    "SoftwareVersions": "syngo_MR_B17",
    "SpacingBetweenSlices": 3.54,
    "StationName": "MEDPC",
    "TaskName": "tom",
    "TotalReadoutTime": 0.0184599,
    "TxRefAmp": 442.127,
    "dataset": "ds001722",
    "modality": "bold",
    "run_id": 1,
    "subject_id": "05",
    "task_id": "tom"
  },
  "dummy_trs": 0,
  "dvars_nstd": 29.373505769333324,
  "dvars_std": 1.0677914676296296,
  "dvars_vstd": 0.9962959744444443,
  "efc": 0.5386465756489375,
  "fber": 849.46923828125,
  "fd_mean": 0.1572140695236748,
  "fd_num": 24,
  "fd_perc": 17.647058823529413,
  "fwhm_avg": 1.896900233124735,
  "fwhm_x": 1.80773,
  "fwhm_y": 2.0331,
  "fwhm_z": 1.849870699374205,
  "gcor": 0.0107755,
  "gsr_x": -0.003336097113788128,
  "gsr_y": 0.051215119659900665,
  "provenance": {
    "md5sum": "a89769c9e6fa75797bbc7744ae2a49b7",
    "settings": {
      "fd_thres": 0.2,
      "testing": false
    },
    "software": "mriqc",
    "version": "23.1.0"
  },
  "size_t": 136,
  "size_x": 72,
  "size_y": 72,
  "size_z": 36,
  "snr": 4.268838330017524,
  "spacing_tr": 2.0,
  "spacing_x": 3.0,
  "spacing_y": 3.0,
  "spacing_z": 3.539998769760132,
  "summary_bg_k": 36.65466012165653,
  "summary_bg_mad": 8.961021234377336,
  "summary_bg_mean": 58.551013188541475,
  "summary_bg_median": 27.764705657958984,
  "summary_bg_n": 142707.0,
  "summary_bg_p05": 20.080883026123047,
  "summary_bg_p95": 231.8235321044922,
  "summary_bg_stdv": 87.70587890159338,
  "summary_fg_k": 1.2658505685313548,
  "summary_fg_mad": 158.37682830943902,
  "summary_fg_mean": 827.6538665394158,
  "summary_fg_median": 809.2205810546875,
  "summary_fg_n": 43917.0,
  "summary_fg_p05": 534.8455810546875,
  "summary_fg_p95": 1160.676513671875,
  "summary_fg_stdv": 189.56243019193988,
  "tsnr": 50.714866399765015
}