{
  "aor": 0.0038714150943396216,
  "aqi": 0.0020284174528301885,
  "bids_meta": {
    "AcquisitionMatrixPE": 72,
    "AcquisitionNumber": 1,
    "AcquisitionTime": "16:50:48.745000",
    "BandwidthPerPixelPhaseEncode": 52.411,
    "BaseResolution": 72,
    "CoilString": "C:HEA;HEP",
    "ConversionSoftware": "dcm2niix",
    "ConversionSoftwareVersion": "v1.0.20181125  Clang9.0.0",
    "DerivedVendorReportedEchoSpacing": 0.000529999,
    "DeviceSerialNumber": "35380",
    "DwellTime": 3.1e-06,
    "EchoTime": 0.025,
    "EffectiveEchoSpacing": 0.000265,
    "FlipAngle": 85,
    "ImageOrientationPatientDICOM": [
      0.999994,
      0.00349065,
      2.40957e-09,
      -0.00242481,
      0.694654,
      -0.71934
    ],
    "ImageType": [
      "ORIGINAL",
      "PRIMARY",
      "M",
      "EPIDIS2D",
      "MOSAIC"
    ],
    "ImagingFrequency": 123.264,
    "InPlanePhaseEncodingDirectionDICOM": "ROW",
    "InstitutionAddress": "Oxford_52_Cambridge_MA_US_02138",
    "InstitutionName": "CBS_Neuroimaging",
    "InstitutionalDepartmentName": "Department",
    "MRAcquisitionType": "2D",
    "MagneticFieldStrength": 3,
    "Manufacturer": "Siemens",
    "ManufacturersModelName": "TrioTim",
    "Modality": "MR",
    "ParallelReductionFactorInPlane": 2,
    "PartialFourier": 1,
    "PatientPosition": "HFS",
    "PercentPhaseFOV": 100,
    "PhaseEncodingDirection": "i",
    "PhaseEncodingSteps": 71,
    "PhaseResolution": 1,
    "PixelBandwidth": 2240,
    "ProcedureStepDescription": "Investigators_Young",
    "ProtocolName": "PACExc3_Cor_DC_tom_localizer_p2",
    "PulseSequenceDetails": "%CustomerSeq%_Andre_ep2d_pace_MGH_xcalgo3",
    "ReceiveCoilName": "32Ch_Head",
    "ReconMatrixPE": 72,
    "RepetitionTime": 2.5,
    "SAR": 0.156852,
    "ScanOptions": "FS",
    "ScanningSequence": "EP",
    "SequenceName": "epfid2d1_72",
    "SequenceVariant": "SK",
    "SeriesDescription": "PACExc3_Cor_DC_tom_localizer_p2_unwarped",
    "SeriesNumber": 72,
    "ShimSetting": [
      -8470,
      9330,
      3020,
      448,
      16,
      338,
      -279,
      -44
    ],
    "SliceThickness": 3,
    "SliceTiming": [
      0,
      1.27,
      0.05,
      1.32,
      0.1,
      1.37,
      0.1525,
      1.4225,
      0.2025,
      1.4725,
      0.2525,
      1.5225,
      0.305,
      1.575,
      0.355,
      1.625,
      0.405,
      1.675,
      0.455,
      1.7275,
      0.5075,
      1.7775,
      0.5575,
      1.8275,
      0.6075,
      1.8775,
      0.66,
      1.93,
      0.71,
      1.98,
      0.76,
      2.03,
      0.8125,
      2.0825,
      0.8625,
      2.1325,
      0.9125,
      2.1825,
      0.965,
      2.235,
      1.015,
      2.285,
      1.065,
      2.335,
      1.1175,
      2.3875,
      1.1675,
      2.4375,
      1.2175
    ],
    "SoftwareVersions": "syngo_MR_B17",
    "SpacingBetweenSlices": 3,
    "StationName": "MEDPC",
    "TaskName": "tom",
    "TotalReadoutTime": 0.018815,
    "TxRefAmp": 305.871,
    "dataset": "ds001722",
    "modality": "bold",
    "run_id": 1,
    "subject_id": "03",
    "task_id": "tom"
  },
  "dummy_trs": 0,
  "dvars_nstd": 21.152899197523805,
  "dvars_std": 1.189928144666666,
  "dvars_vstd": 1.051867273619048,
  "efc": 0.46560121639924296,
  "fber": 1241.4036865234375,
  "fd_mean": 0.14699868620389245,
  "fd_num": 10,
  "fd_perc": 9.433962264150944,
  "fwhm_avg": 2.425373540260841,
  "fwhm_x": 2.2972733333333335,
  "fwhm_y": 2.3750966666666664,
  "fwhm_z": 2.6037506207825234,
  "gcor": 0.0184072,
  "gsr_x": 0.007416795007884502,
  "gsr_y": 0.015649572014808655,
  "provenance": {
    "md5sum": "0d31ee98f413f51f88c5ed63d91989f4",
    "settings": {
      "fd_thres": 0.2,
      "testing": false
    },
    "software": "mriqc",
    "version": "23.1.0"
  },
  "size_t": 106,
  "size_x": 72,
  "size_y": 72,
  "size_z": 49,
  "snr": 3.000397035201645,
  "spacing_tr": 2.5,
  "spacing_x": 3.0,
  "spacing_y": 3.0,
  "spacing_z": 2.9999992847442627,
  "summary_bg_k": 35.10994727994973,
  "summary_bg_mad": 6.224132301857584,
  "summary_bg_mean": 39.30933774958847,
  "summary_bg_median": 18.075471878051758,
  "summary_bg_n": 210268.0,
  "summary_bg_p05": 12.8490571975708,
  "summary_bg_p95": 158.1132049560547,
  "summary_bg_stdv": 61.7253112508929,
  "summary_fg_k": 0.6766585244065251,
  "summary_fg_mad": 192.67532939123086,
  "summary_fg_mean": 674.0424413151744,
  "summary_fg_median": 636.8632202148438,
  "summary_fg_n": 43748.0,
  "summary_fg_p05": 384.4622802734375,
  "summary_fg_p95": 1075.0472412109375,
  "summary_fg_stdv": 212.25722260484156,
  "tsnr": 87.97489297110587
}